{
  "bids_meta": {
    "AcquisitionDuration": 297.187,
    "AcquisitionMatrixPE": 288,
    "AcquisitionNumber": 1,
    "AcquisitionTime": "10:51:29.900000",
    "BaseResolution": 288,
    "BidsGuess": [
      "anat",
      "_acq-spcR9p6_run-18_T2w"
    ],
    "BodyPartExamined": "BRAIN",
    "CoilCombinationMethod": "Adaptive Combine",
    "CoilString": "1",
    "ConversionSoftware": "dcm2niix",
    "ConversionSoftwareVersion": "v1.0.20240202",
    "DeviceSerialNumber": "237203",
    "DwellTime": 3.3e-6,
    "EchoTime": 0.142,
    "EchoTrainLength": 96,
    "FileSize": 0.015326997265219688,
    "FileSizeUnits": "GB",
    "FlipAngle": 120,
    "FrequencyEncodingSteps": 288,
    "HeudiconvVersion": "1.1.6",
    "ImageOrientationPatientDICOM": [
      0.0594778,
      0.998227,
      0.00247209,
      0.00352945,
      0.00226616,
      -0.999991
    ],
    "ImageType": [
      "ORIGINAL",
      "PRIMARY",
      "M",
      "NONE"
    ],
    "ImageTypeText": [
      "ORIGINAL",
      "PRIMARY",
      "M",
      "DIS3D",
      "DIS2D",
      "NORM"
    ],
    "ImagingFrequency": 297.214321,
    "InPlanePhaseEncodingDirectionDICOM": "ROW",
    "InstitutionAddress": " ,Geneve,,CH,",
    "InstitutionName": "Fondation Campus Biotech",
    "InstitutionalDepartmentName": "MRI Terra X",
    "MRAcquisitionType": "3D",
    "MTState": false,
    "MagneticFieldStrength": 7,
    "Manufacturer": "Siemens",
    "ManufacturersModelName": "MAGNETOM Terra.X",
    "Modality": "MR",
    "NonlinearGradientCorrection": true,
    "NumberOfVolumes": 1,
    "ParallelAcquisitionTechnique": "CAIPIRINHA",
    "ParallelReductionFactorInPlane": 3,
    "ParallelReductionFactorOutOfPlane": 2,
    "PartialFourier": 1,
    "PatientPosition": "HFS",
    "PercentPhaseFOV": 100,
    "PercentSampling": 100,
    "PhaseEncodingDirection": "i",
    "PhaseEncodingSteps": 288,
    "PhaseEncodingStepsOutOfPlane": 208,
    "PhaseResolution": 1,
    "PixelBandwidth": 526,
    "ProcedureStepDescription": "RESEARCH F.Grouiller",
    "ProtocolName": "anat-T2w_acq-p6_run-01",
    "PulseSequenceDetails": "%SiemensSeq%\\space",
    "PulseSequenceName": "*spcR_96ns",
    "ReceiveCoilActiveElements": "AC",
    "ReceiveCoilName": "8Tx32Rx_Head_C",
    "ReconMatrixPE": 288,
    "RefLinesPE": 32,
    "RepetitionTime": 2.65,
    "ScanningSequence": "SE",
    "SequenceVariant": "SK\\SP",
    "SeriesDescription": "anat-T2w_acq-p6_run-01",
    "SeriesNumber": 18,
    "ShimSetting": [
      -384,
      -1598,
      609,
      147,
      -59,
      -377,
      68,
      114
    ],
    "SliceThickness": 0.8,
    "SoftwareVersions": "syngo MR XA60",
    "SpoilingState": true,
    "StationName": "AWP237203",
    "TxRefAmp": 252.209,
    "VariableFlipAngleFlag": true,
    "dataset": "bootcamp",
    "datatype": "anat",
    "extension": ".nii.gz",
    "modality": "T2w",
    "subject": "17",
    "suffix": "T2w"
  },
  "cjv": 6.280780681818182,
  "cnr": 0.244309671225928,
  "efc": 0.5335,
  "fber": 641.7778,
  "fwhm_avg": 2.5090476084810773,
  "fwhm_x": 2.3917374643603346,
  "fwhm_y": 2.554353485847055,
  "fwhm_z": 2.581051875235841,
  "icvs_csf": 0.2457880497839592,
  "icvs_gm": 0.35534177240018616,
  "icvs_wm": 0.3988701778158546,
  "inu_med": 0.9002448916435242,
  "inu_range": 0.4526466250419616,
  "provenance": {
    "md5sum": "2ab6399d335a9d2bd6b86386bdddff76",
    "settings": {
      "testing": false
    },
    "software": "mriqc",
    "version": "24.1.0.dev15+g9586c867.d20240825",
    "warnings": {
      "large_rot_frame": true,
      "small_air_mask": false
    }
  },
  "qi_1": 0.0,
  "qi_2": 0.001629823804778738,
  "rpve_csf": 5.737754444036088,
  "rpve_gm": 5.550695043578832,
  "rpve_wm": 5.595975742838145,
  "size_x": 208,
  "size_y": 288,
  "size_z": 288,
  "snr_csf": 1.5485201371935613,
  "snr_gm": 3.3899780526826353,
  "snr_total": 3.803624973224776,
  "snr_wm": 6.472376729798131,
  "snrd_csf": 58.36260617003392,
  "snrd_gm": 37.18619170065062,
  "snrd_total": 43.24792617958057,
  "snrd_wm": 34.194980668057156,
  "spacing_x": 0.800000011920929,
  "spacing_y": 0.7708330154418945,
  "spacing_z": 0.7708330154418945,
  "summary_bg_k": 78.1529,
  "summary_bg_mad": 19.2738,
  "summary_bg_mean": 27.5804,
  "summary_bg_median": 13.0,
  "summary_bg_n": 4037954.0,
  "summary_bg_p05": 0.0,
  "summary_bg_p95": 101.0,
  "summary_bg_stdv": 37.9361,
  "summary_csf_k": -1.0215,
  "summary_csf_mad": 1845.2968,
  "summary_csf_mean": 1808.8287,
  "summary_csf_median": 1717.0,
  "summary_csf_n": 726567.4179789559,
  "summary_csf_p05": 137.0,
  "summary_csf_p95": 3674.0,
  "summary_csf_stdv": 1108.7998,
  "summary_gm_k": 7.7295,
  "summary_gm_mad": 433.0076,
  "summary_gm_mean": 1093.8703,
  "summary_gm_median": 1094.0,
  "summary_gm_n": 1050416.2195835062,
  "summary_gm_p05": 576.0,
  "summary_gm_p95": 1588.0,
  "summary_gm_stdv": 322.7158,
  "summary_wm_k": 179.0845,
  "summary_wm_mad": 119.7011,
  "summary_wm_mean": 1011.9668,
  "summary_wm_median": 1006.0,
  "summary_wm_n": 1179089.3636171648,
  "summary_wm_p05": 797.0,
  "summary_wm_p95": 1240.0,
  "summary_wm_stdv": 155.4297,
  "tpm_overlap_csf": 0.2132502645165868,
  "tpm_overlap_gm": 0.48481951036568866,
  "tpm_overlap_wm": 0.5071133876400498,
  "wm2max": 0.25033052802123495
}
