{
  "aor": 0.00043489285714285716,
  "aqi": 0.016603885785714288,
  "bids_meta": {
    "AcquisitionDuration": 449.437,
    "AcquisitionMatrixPE": 160,
    "AcquisitionNumber": 1,
    "AcquisitionTime": "10:29:43.410000",
    "BandwidthPerPixelPhaseEncode": 23.148,
    "BaseResolution": 160,
    "BidsGuess": [
      "func",
      "_acq-epfid2p3m4_dir-AP_run-18_bold"
    ],
    "BodyPartExamined": "BRAIN",
    "CoilCombinationMethod": "Adaptive Combine",
    "CoilString": "8Tx32Rx_Head_C",
    "ConversionSoftware": "dcm2niix",
    "ConversionSoftwareVersion": "v1.0.20240202",
    "DerivedVendorReportedEchoSpacing": 0.000810005,
    "DeviceSerialNumber": "237203",
    "DwellTime": 2.2e-6,
    "EchoTime": 0.025,
    "EchoTrainLength": 40,
    "EffectiveEchoSpacing": 0.000270002,
    "FileSize": 0.6761715644970536,
    "FileSizeUnits": "GB",
    "FlipAngle": 62,
    "FrequencyEncodingSteps": 160,
    "HeudiconvVersion": "1.1.6",
    "ImageComments": "Not for diagnostic use",
    "ImageOrientationPatientDICOM": [
      0.999436,
      0.0302684,
      -0.0145108,
      -0.0326308,
      0.977471,
      -0.208532
    ],
    "ImageType": [
      "ORIGINAL",
      "PRIMARY",
      "FMRI",
      "NONE"
    ],
    "ImageTypeText": [
      "ORIGINAL",
      "PRIMARY",
      "M",
      "ND"
    ],
    "ImagingFrequency": 297.214322,
    "InPlanePhaseEncodingDirectionDICOM": "COL",
    "InstitutionAddress": " ,Geneve,,CH,",
    "InstitutionName": "Fondation Campus Biotech",
    "InstitutionalDepartmentName": "MRI Terra X",
    "MRAcquisitionType": "2D",
    "MTState": false,
    "MagneticFieldStrength": 7,
    "Manufacturer": "Siemens",
    "ManufacturersModelName": "MAGNETOM Terra.X",
    "Modality": "MR",
    "MultibandAccelerationFactor": 4,
    "NonlinearGradientCorrection": false,
    "NumberOfVolumes": 280,
    "ParallelAcquisitionTechnique": "SMS",
    "ParallelReductionFactorInPlane": 3,
    "PartialFourier": 0.75,
    "PartialFourierDirection": "PHASE",
    "PatientPosition": "HFS",
    "PercentPhaseFOV": 100,
    "PercentSampling": 100,
    "PhaseEncodingDirection": "j-",
    "PhaseEncodingSteps": 160,
    "PhaseResolution": 1,
    "PixelBandwidth": 1420,
    "ProcedureStepDescription": "RESEARCH F.Grouiller",
    "ProtocolName": "func-bold_acq-midRes_task-rest_run-01",
    "PulseSequenceDetails": "%SiemensSeq%\\ep2d_bold",
    "PulseSequenceName": "*epfid2d1_160",
    "ReceiveCoilActiveElements": "AC",
    "ReceiveCoilName": "8Tx32Rx_Head_C",
    "ReconMatrixPE": 160,
    "RefLinesPE": 48,
    "RepetitionTime": 1.5,
    "ScanOptions": "PFP\\FS",
    "ScanningSequence": "EP",
    "SequenceVariant": "SK",
    "SeriesDescription": "func-bold_acq-midRes_task-rest_run-01",
    "SeriesNumber": 18,
    "ShimSetting": [
      -387,
      -1546,
      622,
      278,
      8,
      -25,
      99,
      156
    ],
    "SliceThickness": 1.4,
    "SliceTiming": [
      1.125,
      0,
      0.75,
      0.0625,
      0.8125,
      0.125,
      0.875,
      0.1875,
      0.9375,
      0.25,
      1,
      0.3125,
      1.0625,
      0.4375,
      1.1875,
      0.5,
      1.25,
      0.5625,
      1.3125,
      0.625,
      1.375,
      0.6875,
      1.4375,
      0.375,
      1.125,
      0,
      0.75,
      0.0625,
      0.8125,
      0.125,
      0.875,
      0.1875,
      0.9375,
      0.25,
      1,
      0.3125,
      1.0625,
      0.4375,
      1.1875,
      0.5,
      1.25,
      0.5625,
      1.3125,
      0.625,
      1.375,
      0.6875,
      1.4375,
      0.375,
      1.125,
      0,
      0.75,
      0.0625,
      0.8125,
      0.125,
      0.875,
      0.1875,
      0.9375,
      0.25,
      1,
      0.3125,
      1.0625,
      0.4375,
      1.1875,
      0.5,
      1.25,
      0.5625,
      1.3125,
      0.625,
      1.375,
      0.6875,
      1.4375,
      0.375,
      1.125,
      0,
      0.75,
      0.0625,
      0.8125,
      0.125,
      0.875,
      0.1875,
      0.9375,
      0.25,
      1,
      0.3125,
      1.0625,
      0.4375,
      1.1875,
      0.5,
      1.25,
      0.5625,
      1.3125,
      0.625,
      1.375,
      0.6875,
      1.4375,
      0.375
    ],
    "SoftwareVersions": "syngo MR XA60",
    "SpacingBetweenSlices": 1.4,
    "StationName": "AWP237203",
    "TaskName": "rest",
    "TotalReadoutTime": 0.0429303,
    "TxRefAmp": 279.594,
    "dataset": "bootcamp",
    "datatype": "func",
    "extension": ".nii.gz",
    "modality": "bold",
    "subject": "11",
    "suffix": "bold",
    "task": "rest"
  },
  "dummy_trs": 0,
  "dvars_nstd": 73.45309154286733,
  "dvars_std": 1.020608363333333,
  "dvars_vstd": 0.9562624688530463,
  "efc": 0.4248,
  "fber": 2578.647,
  "fd_mean": 0.13571278353767863,
  "fd_num": 28,
  "fd_perc": 10.0,
  "fwhm_avg": 3.2983167228366654,
  "fwhm_x": 3.0997500527884285,
  "fwhm_y": 3.4877072022524427,
  "fwhm_z": 3.3074929134691256,
  "gcor": 0.00427818,
  "gsr_x": 0.03353813663125038,
  "gsr_y": 0.008436963893473148,
  "provenance": {
    "md5sum": "bd02331f3c40aad2c358bb45a07a5a04",
    "settings": {
      "fd_thres": 0.2,
      "testing": false
    },
    "software": "mriqc",
    "version": "24.1.0.dev15+g9586c867.d20240825"
  },
  "size_t": 280,
  "size_x": 160,
  "size_y": 160,
  "size_z": 96,
  "snr": 1.1283345128208382,
  "spacing_tr": 1.5,
  "spacing_x": 1.399999976158142,
  "spacing_y": 1.399999976158142,
  "spacing_z": 1.399999976158142,
  "summary_bg_k": 149.8002,
  "summary_bg_mad": 8.0325,
  "summary_bg_mean": 31.6656,
  "summary_bg_median": 7.0,
  "summary_bg_n": 1892746.0,
  "summary_bg_p05": 1.0,
  "summary_bg_p95": 119.0,
  "summary_bg_stdv": 102.1875,
  "summary_fg_k": 7.1569,
  "summary_fg_mad": 214.8555,
  "summary_fg_mean": 457.4614,
  "summary_fg_median": 379.0,
  "summary_fg_n": 564854.0,
  "summary_fg_p05": 68.0,
  "summary_fg_p95": 1104.0,
  "summary_fg_stdv": 335.893,
  "tsnr": 17.130890367552638
}
