{
  "aor": 0.0006768333333333333,
  "aqi": 0.016889173033333333,
  "bids_meta": {
    "AcquisitionDuration": 479.437,
    "AcquisitionMatrixPE": 160,
    "AcquisitionNumber": 1,
    "AcquisitionTime": "13:43:38.992500",
    "BandwidthPerPixelPhaseEncode": 23.148,
    "BaseResolution": 160,
    "BidsGuess": [
      "func",
      "_acq-epfid2p3m4_dir-AP_run-7_bold"
    ],
    "BodyPartExamined": "BRAIN",
    "CoilCombinationMethod": "Adaptive Combine",
    "CoilString": "8Tx32Rx_Head_C",
    "ConversionSoftware": "dcm2niix",
    "ConversionSoftwareVersion": "v1.0.20240202",
    "DerivedVendorReportedEchoSpacing": 0.000810005,
    "DeviceSerialNumber": "237203",
    "DwellTime": 2.2e-6,
    "EchoTime": 0.025,
    "EchoTrainLength": 40,
    "EffectiveEchoSpacing": 0.000270002,
    "FileSize": 0.6738294586539268,
    "FileSizeUnits": "GB",
    "FlipAngle": 62,
    "FrequencyEncodingSteps": 160,
    "HeudiconvVersion": "1.1.6",
    "ImageOrientationPatientDICOM": [
      0.996897,
      0.0786512,
      -0.00326201,
      -0.076182,
      0.953507,
      -0.291583
    ],
    "ImageType": [
      "ORIGINAL",
      "PRIMARY",
      "FMRI",
      "NONE"
    ],
    "ImageTypeText": [
      "ORIGINAL",
      "PRIMARY",
      "M",
      "ND"
    ],
    "ImagingFrequency": 297.214191,
    "InPlanePhaseEncodingDirectionDICOM": "COL",
    "InstitutionAddress": " ,Geneve,,CH,",
    "InstitutionName": "Fondation Campus Biotech",
    "InstitutionalDepartmentName": "MRI Terra X",
    "MRAcquisitionType": "2D",
    "MTState": false,
    "MagneticFieldStrength": 7,
    "Manufacturer": "Siemens",
    "ManufacturersModelName": "MAGNETOM Terra.X",
    "Modality": "MR",
    "MultibandAccelerationFactor": 4,
    "NonlinearGradientCorrection": false,
    "NumberOfVolumes": 300,
    "ParallelAcquisitionTechnique": "SMS",
    "ParallelReductionFactorInPlane": 3,
    "PartialFourier": 0.75,
    "PartialFourierDirection": "PHASE",
    "PatientPosition": "HFS",
    "PercentPhaseFOV": 100,
    "PercentSampling": 100,
    "PhaseEncodingDirection": "j-",
    "PhaseEncodingSteps": 160,
    "PhaseResolution": 1,
    "PixelBandwidth": 1420,
    "ProcedureStepDescription": "RESEARCH F.Grouiller",
    "ProtocolName": "func-bold_acq-midRes_task-mixed_run-01",
    "PulseSequenceDetails": "%SiemensSeq%\\ep2d_bold",
    "PulseSequenceName": "*epfid2d1_160",
    "ReceiveCoilActiveElements": "AC",
    "ReceiveCoilName": "8Tx32Rx_Head_C",
    "ReconMatrixPE": 160,
    "RefLinesPE": 48,
    "RepetitionTime": 1.5,
    "ScanOptions": "PFP\\FS",
    "ScanningSequence": "EP",
    "SequenceVariant": "SK",
    "SeriesDescription": "func-bold_acq-midRes_task-mixed_run-01",
    "SeriesNumber": 7,
    "ShimSetting": [
      -422,
      -1475,
      639,
      461,
      -22,
      448,
      10,
      -14
    ],
    "SliceThickness": 1.4,
    "SliceTiming": [
      1.125,
      0,
      0.75,
      0.0625,
      0.8125,
      0.125,
      0.875,
      0.1875,
      0.9375,
      0.25,
      1,
      0.3125,
      1.0625,
      0.4375,
      1.1875,
      0.5,
      1.25,
      0.5625,
      1.3125,
      0.625,
      1.375,
      0.6875,
      1.4375,
      0.375,
      1.125,
      0,
      0.75,
      0.0625,
      0.8125,
      0.125,
      0.875,
      0.1875,
      0.9375,
      0.25,
      1,
      0.3125,
      1.0625,
      0.4375,
      1.1875,
      0.5,
      1.25,
      0.5625,
      1.3125,
      0.625,
      1.375,
      0.6875,
      1.4375,
      0.375,
      1.125,
      0,
      0.75,
      0.0625,
      0.8125,
      0.125,
      0.875,
      0.1875,
      0.9375,
      0.25,
      1,
      0.3125,
      1.0625,
      0.4375,
      1.1875,
      0.5,
      1.25,
      0.5625,
      1.3125,
      0.625,
      1.375,
      0.6875,
      1.4375,
      0.375,
      1.125,
      0,
      0.75,
      0.0625,
      0.8125,
      0.125,
      0.875,
      0.1875,
      0.9375,
      0.25,
      1,
      0.3125,
      1.0625,
      0.4375,
      1.1875,
      0.5,
      1.25,
      0.5625,
      1.3125,
      0.625,
      1.375,
      0.6875,
      1.4375,
      0.375
    ],
    "SoftwareVersions": "syngo MR XA60",
    "SpacingBetweenSlices": 1.4,
    "StationName": "AWP237203",
    "TaskName": "mixed",
    "TotalReadoutTime": 0.0429303,
    "TxRefAmp": 269.182,
    "dataset": "bootcamp",
    "datatype": "func",
    "extension": ".nii.gz",
    "modality": "bold",
    "subject": "14",
    "suffix": "bold",
    "task": "mixed"
  },
  "dummy_trs": 0,
  "dvars_nstd": 79.06476592993309,
  "dvars_std": 1.0651954700000006,
  "dvars_vstd": 0.9748651732441478,
  "efc": 0.408,
  "fber": 3528.9802,
  "fd_mean": 0.13951645916296965,
  "fd_num": 52,
  "fd_perc": 17.333333333333332,
  "fwhm_avg": 3.1084476719841674,
  "fwhm_x": 3.019321479990167,
  "fwhm_y": 3.285835770243164,
  "fwhm_z": 3.0201857657191713,
  "gcor": 0.00249319,
  "gsr_x": -0.007436224725097418,
  "gsr_y": 0.04279729723930359,
  "provenance": {
    "md5sum": "fa34a2e15f153f6ebb3d77b99bf3d294",
    "settings": {
      "fd_thres": 0.2,
      "testing": false
    },
    "software": "mriqc",
    "version": "24.1.0.dev15+g9586c867.d20240825"
  },
  "size_t": 300,
  "size_x": 160,
  "size_y": 160,
  "size_z": 96,
  "snr": 1.2734444508184735,
  "spacing_tr": 1.5,
  "spacing_x": 1.399999976158142,
  "spacing_y": 1.399999976158142,
  "spacing_z": 1.399999976158142,
  "summary_bg_k": 443.318,
  "summary_bg_mad": 6.5482,
  "summary_bg_mean": 18.5794,
  "summary_bg_median": 6.0,
  "summary_bg_n": 1923205.0,
  "summary_bg_p05": 1.0,
  "summary_bg_p95": 65.0,
  "summary_bg_stdv": 64.895,
  "summary_fg_k": 8.9149,
  "summary_fg_mad": 174.9817,
  "summary_fg_mean": 390.4818,
  "summary_fg_median": 342.0,
  "summary_fg_n": 534395.0,
  "summary_fg_p05": 60.0,
  "summary_fg_p95": 865.0,
  "summary_fg_stdv": 268.5627,
  "tsnr": 17.10148320486769
}
