{
  "aor": 0.007791500000000001,
  "aqi": 0.05324136392857143,
  "bids_meta": {
    "AcquisitionDuration": 449.437,
    "AcquisitionMatrixPE": 160,
    "AcquisitionNumber": 1,
    "AcquisitionTime": "13:34:24.757500",
    "BandwidthPerPixelPhaseEncode": 23.148,
    "BaseResolution": 160,
    "BidsGuess": [
      "func",
      "_acq-epfid2p3m4_dir-AP_run-5_bold"
    ],
    "BodyPartExamined": "BRAIN",
    "CoilCombinationMethod": "Adaptive Combine",
    "CoilString": "8Tx32Rx_Head_C",
    "ConversionSoftware": "dcm2niix",
    "ConversionSoftwareVersion": "v1.0.20240202",
    "DerivedVendorReportedEchoSpacing": 0.000810005,
    "DeviceSerialNumber": "237203",
    "DwellTime": 2.2e-6,
    "EchoTime": 0.025,
    "EchoTrainLength": 40,
    "EffectiveEchoSpacing": 0.000270002,
    "FileSize": 0.6245958218351007,
    "FileSizeUnits": "GB",
    "FlipAngle": 62,
    "FrequencyEncodingSteps": 160,
    "HeudiconvVersion": "1.1.6",
    "ImageOrientationPatientDICOM": [
      0.996897,
      0.0786512,
      -0.00326201,
      -0.076182,
      0.953507,
      -0.291583
    ],
    "ImageType": [
      "ORIGINAL",
      "PRIMARY",
      "FMRI",
      "NONE"
    ],
    "ImageTypeText": [
      "ORIGINAL",
      "PRIMARY",
      "M",
      "ND"
    ],
    "ImagingFrequency": 297.214185,
    "InPlanePhaseEncodingDirectionDICOM": "COL",
    "InstitutionAddress": " ,Geneve,,CH,",
    "InstitutionName": "Fondation Campus Biotech",
    "InstitutionalDepartmentName": "MRI Terra X",
    "MRAcquisitionType": "2D",
    "MTState": false,
    "MagneticFieldStrength": 7,
    "Manufacturer": "Siemens",
    "ManufacturersModelName": "MAGNETOM Terra.X",
    "Modality": "MR",
    "MultibandAccelerationFactor": 4,
    "NonlinearGradientCorrection": false,
    "NumberOfVolumes": 280,
    "ParallelAcquisitionTechnique": "SMS",
    "ParallelReductionFactorInPlane": 3,
    "PartialFourier": 0.75,
    "PartialFourierDirection": "PHASE",
    "PatientPosition": "HFS",
    "PercentPhaseFOV": 100,
    "PercentSampling": 100,
    "PhaseEncodingDirection": "j-",
    "PhaseEncodingSteps": 160,
    "PhaseResolution": 1,
    "PixelBandwidth": 1420,
    "ProcedureStepDescription": "RESEARCH F.Grouiller",
    "ProtocolName": "func-bold_acq-midRes_task-rest_run-01",
    "PulseSequenceDetails": "%SiemensSeq%\\ep2d_bold",
    "PulseSequenceName": "*epfid2d1_160",
    "ReceiveCoilActiveElements": "AC",
    "ReceiveCoilName": "8Tx32Rx_Head_C",
    "ReconMatrixPE": 160,
    "RefLinesPE": 48,
    "RepetitionTime": 1.5,
    "ScanOptions": "PFP\\FS",
    "ScanningSequence": "EP",
    "SequenceVariant": "SK",
    "SeriesDescription": "func-bold_acq-midRes_task-rest_run-01",
    "SeriesNumber": 5,
    "ShimSetting": [
      -422,
      -1475,
      639,
      461,
      -22,
      448,
      10,
      -14
    ],
    "SliceThickness": 1.4,
    "SliceTiming": [
      1.125,
      0,
      0.75,
      0.0625,
      0.8125,
      0.125,
      0.875,
      0.1875,
      0.9375,
      0.25,
      1,
      0.3125,
      1.0625,
      0.4375,
      1.1875,
      0.5,
      1.25,
      0.5625,
      1.3125,
      0.625,
      1.375,
      0.6875,
      1.4375,
      0.375,
      1.125,
      0,
      0.75,
      0.0625,
      0.8125,
      0.125,
      0.875,
      0.1875,
      0.9375,
      0.25,
      1,
      0.3125,
      1.0625,
      0.4375,
      1.1875,
      0.5,
      1.25,
      0.5625,
      1.3125,
      0.625,
      1.375,
      0.6875,
      1.4375,
      0.375,
      1.125,
      0,
      0.75,
      0.0625,
      0.8125,
      0.125,
      0.875,
      0.1875,
      0.9375,
      0.25,
      1,
      0.3125,
      1.0625,
      0.4375,
      1.1875,
      0.5,
      1.25,
      0.5625,
      1.3125,
      0.625,
      1.375,
      0.6875,
      1.4375,
      0.375,
      1.125,
      0,
      0.75,
      0.0625,
      0.8125,
      0.125,
      0.875,
      0.1875,
      0.9375,
      0.25,
      1,
      0.3125,
      1.0625,
      0.4375,
      1.1875,
      0.5,
      1.25,
      0.5625,
      1.3125,
      0.625,
      1.375,
      0.6875,
      1.4375,
      0.375
    ],
    "SoftwareVersions": "syngo MR XA60",
    "SpacingBetweenSlices": 1.4,
    "StationName": "AWP237203",
    "TaskName": "rest",
    "TotalReadoutTime": 0.0429303,
    "TxRefAmp": 269.182,
    "dataset": "bootcamp",
    "datatype": "func",
    "extension": ".nii.gz",
    "modality": "bold",
    "subject": "14",
    "suffix": "bold",
    "task": "rest"
  },
  "dummy_trs": 0,
  "dvars_nstd": 78.00405700594983,
  "dvars_std": 1.015471491362008,
  "dvars_vstd": 0.9885133291039419,
  "efc": 0.412,
  "fber": 4994.4189,
  "fd_mean": 0.15211736623488092,
  "fd_num": 61,
  "fd_perc": 21.785714285714285,
  "fwhm_avg": 3.4019238674582275,
  "fwhm_x": 3.153771482279837,
  "fwhm_y": 3.516514345600168,
  "fwhm_z": 3.535485774494678,
  "gcor": 0.0029382,
  "gsr_x": -0.006069008260965347,
  "gsr_y": 0.04316888749599457,
  "provenance": {
    "md5sum": "65e2f8784f46c0b46079d84cdcbed5d5",
    "settings": {
      "fd_thres": 0.2,
      "testing": false
    },
    "software": "mriqc",
    "version": "24.1.0.dev15+g9586c867.d20240825"
  },
  "size_t": 280,
  "size_x": 160,
  "size_y": 160,
  "size_z": 96,
  "snr": 1.301259014064542,
  "spacing_tr": 1.5,
  "spacing_x": 1.399999976158142,
  "spacing_y": 1.399999976158142,
  "spacing_z": 1.399999976158142,
  "summary_bg_k": 351.7821,
  "summary_bg_mad": 5.7504,
  "summary_bg_mean": 20.0169,
  "summary_bg_median": 5.0,
  "summary_bg_n": 1920822.0,
  "summary_bg_p05": 1.0,
  "summary_bg_p95": 71.0,
  "summary_bg_stdv": 71.355,
  "summary_fg_k": 8.7881,
  "summary_fg_mad": 173.4168,
  "summary_fg_mean": 403.2434,
  "summary_fg_median": 352.0,
  "summary_fg_n": 536778.0,
  "summary_fg_p05": 70.0,
  "summary_fg_p95": 884.0,
  "summary_fg_stdv": 270.507,
  "tsnr": 11.654227269231342
}
