{
  "bids_meta": {
    "AcquisitionMatrixPE": 272,
    "AcquisitionNumber": 1,
    "AcquisitionTime": "10:04:55.087500",
    "BaseResolution": 288,
    "BidsGuess": [
      "anat",
      "_acq-tfl3p5_run-11_UNIT1"
    ],
    "BodyPartExamined": "BRAIN",
    "CoilCombinationMethod": "Adaptive Combine",
    "CoilString": "1",
    "ConversionSoftware": "dcm2niix",
    "ConversionSoftwareVersion": "v1.0.20240202",
    "DeviceSerialNumber": "237203",
    "DwellTime": 7.2e-6,
    "EchoTime": 0.00283,
    "FileSize": 0.01996983028948307,
    "FileSizeUnits": "GB",
    "FrequencyEncodingSteps": 288,
    "HeudiconvVersion": "1.1.6",
    "ImageComments": "Not for diagnostic use, UNIFORM-weighted Image (lambda = 0.2)",
    "ImageOrientationPatientDICOM": [
      -0.0322316,
      0.999469,
      -0.00477098,
      -0.00957386,
      -0.00508197,
      -0.999941
    ],
    "ImageType": [
      "DERIVED",
      "PRIMARY",
      "T1",
      "UNIFORM"
    ],
    "ImageTypeText": [
      "DERIVED",
      "PRIMARY",
      "M",
      "UNI",
      "DIS3D",
      "DIS2D"
    ],
    "ImagingFrequency": 297.214394,
    "InPlanePhaseEncodingDirectionDICOM": "ROW",
    "InstitutionAddress": " ,Geneve,,CH,",
    "InstitutionName": "Fondation Campus Biotech",
    "InstitutionalDepartmentName": "MRI Terra X",
    "MRAcquisitionType": "3D",
    "MTState": false,
    "MagneticFieldStrength": 7,
    "Manufacturer": "Siemens",
    "ManufacturersModelName": "MAGNETOM Terra.X",
    "Modality": "MR",
    "NonlinearGradientCorrection": true,
    "NumberOfVolumes": 1,
    "PartialFourier": 1,
    "PatientPosition": "HFS",
    "PercentPhaseFOV": 94.4444,
    "PercentSampling": 100,
    "PhaseEncodingSteps": 272,
    "PhaseEncodingStepsOutOfPlane": 224,
    "PhaseResolution": 1,
    "PixelBandwidth": 241,
    "ProcedureStepDescription": "RESEARCH F.Grouiller",
    "ProtocolName": "anat-T1w_acq-mp2rage_run-01",
    "PulseSequenceDetails": "%SiemensSeq%\\tfl",
    "PulseSequenceName": "*tfl3d1rr228ns",
    "RawImage": false,
    "ReceiveCoilActiveElements": "AC",
    "ReceiveCoilName": "8Tx32Rx_Head_C",
    "ReconMatrixPE": 272,
    "RefLinesPE": 32,
    "RepetitionTime": 6,
    "ScanOptions": "IR",
    "ScanningSequence": "GR\\IR",
    "SequenceVariant": "SK\\SP\\MP\\OSP",
    "SeriesDescription": "anat-T1w_acq-mp2rage_run-01_UNI-DEN",
    "SeriesNumber": 11,
    "ShimSetting": [
      -396,
      -1564,
      581,
      100,
      -33,
      -309,
      93,
      86
    ],
    "SliceThickness": 0.8,
    "SoftwareVersions": "syngo MR XA60",
    "StationName": "AWP237203",
    "TxRefAmp": 279.594,
    "acquisition": "denoised",
    "dataset": "bootcamp",
    "datatype": "anat",
    "extension": ".nii.gz",
    "modality": "T1w",
    "subject": "11",
    "suffix": "T1w"
  },
  "cjv": 0.5707842565597667,
  "cnr": 1.4783379217088306,
  "efc": 0.6305,
  "fber": -1.0,
  "fwhm_avg": 3.999438822504102,
  "fwhm_x": 3.839137442792394,
  "fwhm_y": 4.146098740230693,
  "fwhm_z": 4.01308028448922,
  "icvs_csf": 0.2753587924451974,
  "icvs_gm": 0.37488064414395433,
  "icvs_wm": 0.34976056341084827,
  "inu_med": 0.49697449803352356,
  "inu_range": 0.08376968801021578,
  "provenance": {
    "md5sum": "517afc0dac8d4efe38782ba8d0c15dd7",
    "settings": {
      "testing": false
    },
    "software": "mriqc",
    "version": "24.1.0.dev15+g9586c867.d20240825",
    "warnings": {
      "large_rot_frame": true,
      "small_air_mask": false
    }
  },
  "qi_1": 0.0,
  "qi_2": 0.0019423918544277186,
  "rpve_csf": 5.159501911706591,
  "rpve_gm": 5.053365464064726,
  "rpve_wm": 5.155715815103978,
  "size_x": 224,
  "size_y": 272,
  "size_z": 288,
  "snr_csf": 0.8254450449790277,
  "snr_gm": 3.3078325170546057,
  "snr_total": 3.86950420853776,
  "snr_wm": 7.475235063579645,
  "snrd_csf": 1.7361741499639012,
  "snrd_gm": 5.640219806098943,
  "snrd_total": 5.411858161148737,
  "snrd_wm": 8.859180527383366,
  "spacing_x": 0.800000011920929,
  "spacing_y": 0.7986109852790833,
  "spacing_z": 0.7986109852790833,
  "summary_bg_k": 241.3457,
  "summary_bg_mad": 0.0,
  "summary_bg_mean": 5.9835,
  "summary_bg_median": 0.0,
  "summary_bg_n": 3391367.0,
  "summary_bg_p05": 0.0,
  "summary_bg_p95": 5.0,
  "summary_bg_stdv": 69.8088,
  "summary_csf_k": -0.3601,
  "summary_csf_mad": 201.2603,
  "summary_csf_mean": 243.7232,
  "summary_csf_median": 185.0,
  "summary_csf_n": 916783.6941867897,
  "summary_csf_p05": 0.0,
  "summary_csf_p95": 641.0,
  "summary_csf_stdv": 224.1214,
  "summary_gm_k": 1.4209,
  "summary_gm_mad": 105.4954,
  "summary_gm_mean": 601.2774,
  "summary_gm_median": 601.0,
  "summary_gm_n": 1248133.2401463764,
  "summary_gm_p05": 292.0,
  "summary_gm_p95": 941.0,
  "summary_gm_stdv": 181.6899,
  "summary_wm_k": 0.0141,
  "summary_wm_mad": 90.2836,
  "summary_wm_mean": 900.761,
  "summary_wm_median": 944.0,
  "summary_wm_n": 1164498.0665306626,
  "summary_wm_p05": 653.0,
  "summary_wm_p95": 1042.0,
  "summary_wm_stdv": 126.2836,
  "tpm_overlap_csf": 0.2152654971875751,
  "tpm_overlap_gm": 0.5311643584037352,
  "tpm_overlap_wm": 0.5516455788374751,
  "wm2max": 0.633563194003886
}
