{
  "bids_meta": {
    "AcquisitionMatrixPE": 272,
    "AcquisitionNumber": 1,
    "AcquisitionTime": "10:04:55.087500",
    "BaseResolution": 288,
    "BidsGuess": [
      "anat",
      "_acq-tfl3p5_run-10_UNIT1"
    ],
    "BodyPartExamined": "BRAIN",
    "CoilCombinationMethod": "Adaptive Combine",
    "CoilString": "1",
    "ConversionSoftware": "dcm2niix",
    "ConversionSoftwareVersion": "v1.0.20240202",
    "DeviceSerialNumber": "237203",
    "DwellTime": 7.2e-6,
    "EchoTime": 0.00283,
    "FileSize": 0.026319613680243492,
    "FileSizeUnits": "GB",
    "FrequencyEncodingSteps": 288,
    "HeudiconvVersion": "1.1.6",
    "ImageComments": "Not for diagnostic use, Uniform Image",
    "ImageOrientationPatientDICOM": [
      -0.0322316,
      0.999469,
      -0.00477098,
      -0.00957386,
      -0.00508197,
      -0.999941
    ],
    "ImageType": [
      "DERIVED",
      "PRIMARY",
      "T1",
      "UNIFORM"
    ],
    "ImageTypeText": [
      "DERIVED",
      "PRIMARY",
      "M",
      "UNI",
      "DIS3D",
      "DIS2D"
    ],
    "ImagingFrequency": 297.214394,
    "InPlanePhaseEncodingDirectionDICOM": "ROW",
    "InstitutionAddress": " ,Geneve,,CH,",
    "InstitutionName": "Fondation Campus Biotech",
    "InstitutionalDepartmentName": "MRI Terra X",
    "MRAcquisitionType": "3D",
    "MTState": false,
    "MagneticFieldStrength": 7,
    "Manufacturer": "Siemens",
    "ManufacturersModelName": "MAGNETOM Terra.X",
    "Modality": "MR",
    "NonlinearGradientCorrection": true,
    "NumberOfVolumes": 1,
    "PartialFourier": 1,
    "PatientPosition": "HFS",
    "PercentPhaseFOV": 94.4444,
    "PercentSampling": 100,
    "PhaseEncodingSteps": 272,
    "PhaseEncodingStepsOutOfPlane": 224,
    "PhaseResolution": 1,
    "PixelBandwidth": 241,
    "ProcedureStepDescription": "RESEARCH F.Grouiller",
    "ProtocolName": "anat-T1w_acq-mp2rage_run-01",
    "PulseSequenceDetails": "%SiemensSeq%\\tfl",
    "PulseSequenceName": "*tfl3d1rr228ns",
    "RawImage": false,
    "ReceiveCoilActiveElements": "AC",
    "ReceiveCoilName": "8Tx32Rx_Head_C",
    "ReconMatrixPE": 272,
    "RefLinesPE": 32,
    "RepetitionTime": 6,
    "ScanOptions": "IR",
    "ScanningSequence": "GR\\IR",
    "SequenceVariant": "SK\\SP\\MP\\OSP",
    "SeriesDescription": "anat-T1w_acq-mp2rage_run-01_UNI_Images",
    "SeriesNumber": 10,
    "ShimSetting": [
      -396,
      -1564,
      581,
      100,
      -33,
      -309,
      93,
      86
    ],
    "SliceThickness": 0.8,
    "SoftwareVersions": "syngo MR XA60",
    "StationName": "AWP237203",
    "TxRefAmp": 279.594,
    "acquisition": "mp2rage",
    "dataset": "bootcamp",
    "datatype": "anat",
    "extension": ".nii.gz",
    "modality": "T1w",
    "subject": "11",
    "suffix": "T1w"
  },
  "cjv": 0.2239018558951965,
  "cnr": 1.508502612395608,
  "efc": 0.7302,
  "fber": 1.5632,
  "fwhm_avg": 3.5694994295755333,
  "fwhm_x": 3.445312448660844,
  "fwhm_y": 3.7121327588099806,
  "fwhm_z": 3.5510530812557763,
  "icvs_csf": 0.2112171964585914,
  "icvs_gm": 0.3993154288819081,
  "icvs_wm": 0.38946737465950054,
  "inu_med": 1.0419504642486572,
  "inu_range": 0.05726885795593262,
  "provenance": {
    "md5sum": "3a83805c01e8fb65eeed37a5de11db83",
    "settings": {
      "testing": false
    },
    "software": "mriqc",
    "version": "24.1.0.dev15+g9586c867.d20240825",
    "warnings": {
      "large_rot_frame": true,
      "small_air_mask": false
    }
  },
  "qi_1": 0.0,
  "qi_2": 0.00041103161150647487,
  "rpve_csf": 5.1381635536456205,
  "rpve_gm": 5.1710093732192375,
  "rpve_wm": 5.25338057551291,
  "size_x": 224,
  "size_y": 272,
  "size_z": 288,
  "snr_csf": 0.922558297657619,
  "snr_gm": 0.0,
  "snr_total": 1.4391497670447377,
  "snr_wm": 3.3948910034765944,
  "snrd_csf": 0.1638072649129146,
  "snrd_gm": 0.0,
  "snrd_total": 0.35590253139713574,
  "snrd_wm": 0.9039003292784926,
  "spacing_x": 0.800000011920929,
  "spacing_y": 0.7986109852790833,
  "spacing_z": 0.7986109852790833,
  "summary_bg_k": 0.5051,
  "summary_bg_mad": 663.9061,
  "summary_bg_mean": 541.9677,
  "summary_bg_median": 466.0,
  "summary_bg_n": 3194706.0,
  "summary_bg_p05": 0.0,
  "summary_bg_p95": 1661.0,
  "summary_bg_stdv": 540.8312,
  "summary_csf_k": 0.8159,
  "summary_csf_mad": 203.8287,
  "summary_csf_mean": 181.201,
  "summary_csf_median": 166.0,
  "summary_csf_n": 700411.6422592964,
  "summary_csf_p05": 0.0,
  "summary_csf_p95": 492.0,
  "summary_csf_stdv": 179.9343,
  "summary_gm_k": 4.2285,
  "summary_gm_mad": 0.0,
  "summary_gm_mean": 25.2963,
  "summary_gm_median": 0.0,
  "summary_gm_n": 1324159.1120990193,
  "summary_gm_p05": 0.0,
  "summary_gm_p95": 165.0,
  "summary_gm_stdv": 58.4991,
  "summary_wm_k": 3.6564,
  "summary_wm_mad": 205.0941,
  "summary_wm_mean": 867.8668,
  "summary_wm_median": 916.0,
  "summary_wm_n": 1291502.2453920164,
  "summary_wm_p05": 420.0,
  "summary_wm_p95": 1181.0,
  "summary_wm_stdv": 269.8171,
  "tpm_overlap_csf": 0.23721230337108573,
  "tpm_overlap_gm": 0.4121268260130181,
  "tpm_overlap_wm": 0.4718990117796932,
  "wm2max": 0.38716099479108174
}
