{
  "bids_meta": {
    "AcquisitionDuration": 297.187,
    "AcquisitionMatrixPE": 288,
    "AcquisitionNumber": 1,
    "AcquisitionTime": "10:45:54.642500",
    "BaseResolution": 288,
    "BidsGuess": [
      "anat",
      "_acq-spcR9p6_run-22_T2w"
    ],
    "BodyPartExamined": "BRAIN",
    "CoilCombinationMethod": "Adaptive Combine",
    "CoilString": "1",
    "ConversionSoftware": "dcm2niix",
    "ConversionSoftwareVersion": "v1.0.20240202",
    "DeviceSerialNumber": "237203",
    "DwellTime": 3.3e-6,
    "EchoTime": 0.142,
    "EchoTrainLength": 96,
    "FileSize": 0.016536526381969452,
    "FileSizeUnits": "GB",
    "FlipAngle": 120,
    "FrequencyEncodingSteps": 288,
    "HeudiconvVersion": "1.1.6",
    "ImageComments": "Not for diagnostic use",
    "ImageOrientationPatientDICOM": [
      -0.0101343,
      0.999922,
      -0.00728989,
      0.0107841,
      -0.00718055,
      -0.999916
    ],
    "ImageType": [
      "ORIGINAL",
      "PRIMARY",
      "M",
      "NONE"
    ],
    "ImageTypeText": [
      "ORIGINAL",
      "PRIMARY",
      "M",
      "DIS3D",
      "DIS2D",
      "NORM"
    ],
    "ImagingFrequency": 297.214398,
    "InPlanePhaseEncodingDirectionDICOM": "ROW",
    "InstitutionAddress": " ,Geneve,,CH,",
    "InstitutionName": "Fondation Campus Biotech",
    "InstitutionalDepartmentName": "MRI Terra X",
    "MRAcquisitionType": "3D",
    "MTState": false,
    "MagneticFieldStrength": 7,
    "Manufacturer": "Siemens",
    "ManufacturersModelName": "MAGNETOM Terra.X",
    "Modality": "MR",
    "NonlinearGradientCorrection": true,
    "NumberOfVolumes": 1,
    "ParallelAcquisitionTechnique": "CAIPIRINHA",
    "ParallelReductionFactorInPlane": 3,
    "ParallelReductionFactorOutOfPlane": 2,
    "PartialFourier": 1,
    "PatientPosition": "HFS",
    "PercentPhaseFOV": 100,
    "PercentSampling": 100,
    "PhaseEncodingDirection": "i",
    "PhaseEncodingSteps": 288,
    "PhaseEncodingStepsOutOfPlane": 208,
    "PhaseResolution": 1,
    "PixelBandwidth": 526,
    "ProcedureStepDescription": "RESEARCH F.Grouiller",
    "ProtocolName": "anat-T2w_acq-p6_run-01",
    "PulseSequenceDetails": "%SiemensSeq%\\space",
    "PulseSequenceName": "*spcR_96ns",
    "ReceiveCoilActiveElements": "AC",
    "ReceiveCoilName": "8Tx32Rx_Head_C",
    "ReconMatrixPE": 288,
    "RefLinesPE": 32,
    "RepetitionTime": 2.65,
    "ScanningSequence": "SE",
    "SequenceVariant": "SK\\SP",
    "SeriesDescription": "anat-T2w_acq-p6_run-01",
    "SeriesNumber": 22,
    "ShimSetting": [
      -396,
      -1564,
      581,
      100,
      -31,
      -300,
      94,
      89
    ],
    "SliceThickness": 0.8,
    "SoftwareVersions": "syngo MR XA60",
    "SpoilingState": true,
    "StationName": "AWP237203",
    "TxRefAmp": 279.594,
    "VariableFlipAngleFlag": true,
    "dataset": "bootcamp",
    "datatype": "anat",
    "extension": ".nii.gz",
    "modality": "T2w",
    "subject": "11",
    "suffix": "T2w"
  },
  "cjv": 63.213590909090904,
  "cnr": 0.022797470950766455,
  "efc": 0.5673,
  "fber": 254.0852,
  "fwhm_avg": 2.732585767119557,
  "fwhm_x": 2.5260749623585497,
  "fwhm_y": 2.7624011392134133,
  "fwhm_z": 2.909281199786707,
  "icvs_csf": 0.2413630398975262,
  "icvs_gm": 0.34911398430342494,
  "icvs_wm": 0.4095229757990488,
  "inu_med": 0.9230433702468872,
  "inu_range": 0.40768691301345816,
  "provenance": {
    "md5sum": "4da0d6ffb6e2b70b57c996b00b39e4b5",
    "settings": {
      "testing": false
    },
    "software": "mriqc",
    "version": "24.1.0.dev15+g9586c867.d20240825",
    "warnings": {
      "large_rot_frame": true,
      "small_air_mask": false
    }
  },
  "qi_1": 0.0,
  "qi_2": 0.0009954561663039832,
  "rpve_csf": 4.842550992921128,
  "rpve_gm": 4.674375883158677,
  "rpve_wm": 4.722342412964799,
  "size_x": 208,
  "size_y": 288,
  "size_z": 288,
  "snr_csf": 1.9240091373128818,
  "snr_gm": 2.6049246005410494,
  "snr_total": 3.884354550597527,
  "snr_wm": 7.124129913938651,
  "snrd_csf": 32.74501107325185,
  "snrd_gm": 16.151564326499283,
  "snrd_total": 21.626843051016966,
  "snrd_wm": 15.983953753299764,
  "spacing_x": 0.800000011920929,
  "spacing_y": 0.7708330154418945,
  "spacing_z": 0.7708330154418945,
  "summary_bg_k": 26.6205,
  "summary_bg_mad": 42.9955,
  "summary_bg_mean": 92.1814,
  "summary_bg_median": 29.0,
  "summary_bg_n": 3234189.0,
  "summary_bg_p05": 0.0,
  "summary_bg_p95": 294.0,
  "summary_bg_stdv": 213.4225,
  "summary_csf_k": 0.5108,
  "summary_csf_mad": 1118.151,
  "summary_csf_mean": 2120.9816,
  "summary_csf_median": 2149.0,
  "summary_csf_n": 843017.137660719,
  "summary_csf_p05": 189.0,
  "summary_csf_p95": 3780.0,
  "summary_csf_stdv": 1116.9379,
  "summary_gm_k": 0.6307,
  "summary_gm_mad": 567.7194,
  "summary_gm_mean": 1042.7768,
  "summary_gm_median": 1060.0,
  "summary_gm_n": 1219362.632695359,
  "summary_gm_p05": 289.0,
  "summary_gm_p95": 1662.0,
  "summary_gm_stdv": 406.9214,
  "summary_wm_k": 129.3049,
  "summary_wm_mad": 127.6301,
  "summary_wm_mean": 1054.5862,
  "summary_wm_median": 1049.0,
  "summary_wm_n": 1430355.2317330274,
  "summary_wm_p05": 836.0,
  "summary_wm_p95": 1287.0,
  "summary_wm_stdv": 147.246,
  "tpm_overlap_csf": 0.23052345328435647,
  "tpm_overlap_gm": 0.4532579086419152,
  "tpm_overlap_wm": 0.5076611127251935,
  "wm2max": 0.2542344807774575
}
