{
  "aor": 0.0017317142857142859,
  "aqi": 0.043591532142857145,
  "bids_meta": {
    "AcquisitionDuration": 449.437,
    "AcquisitionMatrixPE": 160,
    "AcquisitionNumber": 1,
    "AcquisitionTime": "09:54:51.680000",
    "BandwidthPerPixelPhaseEncode": 23.148,
    "BaseResolution": 160,
    "BidsGuess": [
      "func",
      "_acq-epfid2p3m4_dir-AP_run-5_bold"
    ],
    "BodyPartExamined": "BRAIN",
    "CoilCombinationMethod": "Adaptive Combine",
    "CoilString": "8Tx32Rx_Head_C",
    "ConversionSoftware": "dcm2niix",
    "ConversionSoftwareVersion": "v1.0.20240202",
    "DerivedVendorReportedEchoSpacing": 0.000810005,
    "DeviceSerialNumber": "237203",
    "DwellTime": 2.2e-6,
    "EchoTime": 0.025,
    "EchoTrainLength": 40,
    "EffectiveEchoSpacing": 0.000270002,
    "FileSize": 0.5654530096799135,
    "FileSizeUnits": "GB",
    "FlipAngle": 62,
    "FrequencyEncodingSteps": 160,
    "HeudiconvVersion": "1.1.6",
    "ImageOrientationPatientDICOM": [
      0.998648,
      0.0391933,
      0.0341378,
      -0.0231857,
      0.923752,
      -0.382289
    ],
    "ImageType": [
      "ORIGINAL",
      "PRIMARY",
      "FMRI",
      "NONE"
    ],
    "ImageTypeText": [
      "ORIGINAL",
      "PRIMARY",
      "M",
      "ND"
    ],
    "ImagingFrequency": 297.214293,
    "InPlanePhaseEncodingDirectionDICOM": "COL",
    "InstitutionAddress": " ,Geneve,,CH,",
    "InstitutionName": "Fondation Campus Biotech",
    "InstitutionalDepartmentName": "MRI Terra X",
    "MRAcquisitionType": "2D",
    "MTState": false,
    "MagneticFieldStrength": 7,
    "Manufacturer": "Siemens",
    "ManufacturersModelName": "MAGNETOM Terra.X",
    "Modality": "MR",
    "MultibandAccelerationFactor": 4,
    "NonlinearGradientCorrection": false,
    "NumberOfVolumes": 280,
    "ParallelAcquisitionTechnique": "SMS",
    "ParallelReductionFactorInPlane": 3,
    "PartialFourier": 0.75,
    "PartialFourierDirection": "PHASE",
    "PatientPosition": "HFS",
    "PercentPhaseFOV": 100,
    "PercentSampling": 100,
    "PhaseEncodingDirection": "j-",
    "PhaseEncodingSteps": 160,
    "PhaseResolution": 1,
    "PixelBandwidth": 1420,
    "ProcedureStepDescription": "RESEARCH F.Grouiller",
    "ProtocolName": "func-bold_acq-midRes_task-rest_run-01",
    "PulseSequenceDetails": "%SiemensSeq%\\ep2d_bold",
    "PulseSequenceName": "*epfid2d1_160",
    "ReceiveCoilActiveElements": "AC",
    "ReceiveCoilName": "8Tx32Rx_Head_C",
    "ReconMatrixPE": 160,
    "RefLinesPE": 48,
    "RepetitionTime": 1.5,
    "ScanOptions": "PFP\\FS",
    "ScanningSequence": "EP",
    "SequenceVariant": "SK",
    "SeriesDescription": "func-bold_acq-midRes_task-rest_run-01",
    "SeriesNumber": 5,
    "ShimSetting": [
      -373,
      -1434,
      608,
      259,
      32,
      472,
      -78,
      130
    ],
    "SliceThickness": 1.4,
    "SliceTiming": [
      1.125,
      0,
      0.75,
      0.0625,
      0.8125,
      0.125,
      0.875,
      0.1875,
      0.9375,
      0.25,
      1,
      0.3125,
      1.0625,
      0.4375,
      1.1875,
      0.5,
      1.25,
      0.5625,
      1.3125,
      0.625,
      1.375,
      0.6875,
      1.4375,
      0.375,
      1.125,
      0,
      0.75,
      0.0625,
      0.8125,
      0.125,
      0.875,
      0.1875,
      0.9375,
      0.25,
      1,
      0.3125,
      1.0625,
      0.4375,
      1.1875,
      0.5,
      1.25,
      0.5625,
      1.3125,
      0.625,
      1.375,
      0.6875,
      1.4375,
      0.375,
      1.125,
      0,
      0.75,
      0.0625,
      0.8125,
      0.125,
      0.875,
      0.1875,
      0.9375,
      0.25,
      1,
      0.3125,
      1.0625,
      0.4375,
      1.1875,
      0.5,
      1.25,
      0.5625,
      1.3125,
      0.625,
      1.375,
      0.6875,
      1.4375,
      0.375,
      1.125,
      0,
      0.75,
      0.0625,
      0.8125,
      0.125,
      0.875,
      0.1875,
      0.9375,
      0.25,
      1,
      0.3125,
      1.0625,
      0.4375,
      1.1875,
      0.5,
      1.25,
      0.5625,
      1.3125,
      0.625,
      1.375,
      0.6875,
      1.4375,
      0.375
    ],
    "SoftwareVersions": "syngo MR XA60",
    "SpacingBetweenSlices": 1.4,
    "StationName": "AWP237203",
    "TaskName": "rest",
    "TotalReadoutTime": 0.0429303,
    "TxRefAmp": 233.383,
    "dataset": "bootcamp",
    "datatype": "func",
    "extension": ".nii.gz",
    "modality": "bold",
    "subject": "16",
    "suffix": "bold",
    "task": "rest"
  },
  "dummy_trs": 0,
  "dvars_nstd": 78.10054680577065,
  "dvars_std": 0.9677003425806453,
  "dvars_vstd": 0.9302413099641581,
  "efc": 0.3937,
  "fber": 7972.126,
  "fd_mean": 0.17238513048922854,
  "fd_num": 98,
  "fd_perc": 35.0,
  "fwhm_avg": 3.062631004537247,
  "fwhm_x": 2.9107071924261905,
  "fwhm_y": 3.2304214835851788,
  "fwhm_z": 3.046764337600373,
  "gcor": 0.00205064,
  "gsr_x": -0.0032650232315063477,
  "gsr_y": 0.02602740190923214,
  "provenance": {
    "md5sum": "337fd098d62d3c8800a3e79f9aff61a2",
    "settings": {
      "fd_thres": 0.2,
      "testing": false
    },
    "software": "mriqc",
    "version": "24.1.0.dev15+g9586c867.d20240825"
  },
  "size_t": 280,
  "size_x": 160,
  "size_y": 160,
  "size_z": 96,
  "snr": 1.5510153619243345,
  "spacing_tr": 1.5,
  "spacing_x": 1.399999976158142,
  "spacing_y": 1.399999976158142,
  "spacing_z": 1.399999976158142,
  "summary_bg_k": 138.7578,
  "summary_bg_mad": 3.3729,
  "summary_bg_mean": 12.3109,
  "summary_bg_median": 3.0,
  "summary_bg_n": 1999992.0,
  "summary_bg_p05": 1.0,
  "summary_bg_p95": 45.0,
  "summary_bg_stdv": 33.8891,
  "summary_fg_k": 3.7923,
  "summary_fg_mad": 157.1294,
  "summary_fg_mean": 337.3125,
  "summary_fg_median": 306.0,
  "summary_fg_n": 457608.0,
  "summary_fg_p05": 53.0,
  "summary_fg_p95": 692.0,
  "summary_fg_stdv": 197.2899,
  "tsnr": 12.904996757861227
}
