{
  "bids_meta": {
    "AcquisitionMatrixPE": 272,
    "AcquisitionNumber": 1,
    "AcquisitionTime": "13:53:30.760000",
    "BaseResolution": 288,
    "BidsGuess": [
      "anat",
      "_acq-tfl3p5_run-13_UNIT1"
    ],
    "BodyPartExamined": "BRAIN",
    "CoilCombinationMethod": "Adaptive Combine",
    "CoilString": "1",
    "ConversionSoftware": "dcm2niix",
    "ConversionSoftwareVersion": "v1.0.20240202",
    "DeviceSerialNumber": "237203",
    "DwellTime": 7.2e-6,
    "EchoTime": 0.00283,
    "FileSize": 0.01858234405517578,
    "FileSizeUnits": "GB",
    "FrequencyEncodingSteps": 288,
    "HeudiconvVersion": "1.1.6",
    "ImageComments": "Not for diagnostic use, UNIFORM-weighted Image (lambda = 0.2)",
    "ImageOrientationPatientDICOM": [
      -0.077669,
      0.996973,
      -0.00345463,
      0.0125474,
      -0.00248733,
      -0.999918
    ],
    "ImageType": [
      "DERIVED",
      "PRIMARY",
      "T1",
      "UNIFORM"
    ],
    "ImageTypeText": [
      "DERIVED",
      "PRIMARY",
      "M",
      "UNI",
      "DIS3D",
      "DIS2D"
    ],
    "ImagingFrequency": 297.214318,
    "InPlanePhaseEncodingDirectionDICOM": "ROW",
    "InstitutionAddress": " ,Geneve,,CH,",
    "InstitutionName": "Fondation Campus Biotech",
    "InstitutionalDepartmentName": "MRI Terra X",
    "MRAcquisitionType": "3D",
    "MTState": false,
    "MagneticFieldStrength": 7,
    "Manufacturer": "Siemens",
    "ManufacturersModelName": "MAGNETOM Terra.X",
    "Modality": "MR",
    "NonlinearGradientCorrection": true,
    "NumberOfVolumes": 1,
    "PartialFourier": 1,
    "PatientPosition": "HFS",
    "PercentPhaseFOV": 94.4444,
    "PercentSampling": 100,
    "PhaseEncodingSteps": 272,
    "PhaseEncodingStepsOutOfPlane": 224,
    "PhaseResolution": 1,
    "PixelBandwidth": 241,
    "ProcedureStepDescription": "RESEARCH F.Grouiller",
    "ProtocolName": "anat-mp2rage_run-01",
    "PulseSequenceDetails": "%SiemensSeq%\\tfl",
    "PulseSequenceName": "*tfl3d1rr228ns",
    "RawImage": false,
    "ReceiveCoilActiveElements": "AC",
    "ReceiveCoilName": "8Tx32Rx_Head_C",
    "ReconMatrixPE": 272,
    "RefLinesPE": 32,
    "RepetitionTime": 6,
    "ScanOptions": "IR",
    "ScanningSequence": "GR\\IR",
    "SequenceVariant": "SK\\SP\\MP\\OSP",
    "SeriesDescription": "anat-mp2rage_run-01_UNI-DEN",
    "SeriesNumber": 13,
    "ShimSetting": [
      -426,
      -1528,
      584,
      150,
      -42,
      -217,
      90,
      -7
    ],
    "SliceThickness": 0.8,
    "SoftwareVersions": "syngo MR XA60",
    "StationName": "AWP237203",
    "TxRefAmp": 269.182,
    "acquisition": "denoised",
    "dataset": "bootcamp",
    "datatype": "anat",
    "extension": ".nii.gz",
    "modality": "T1w",
    "subject": "14",
    "suffix": "T1w"
  },
  "cjv": 0.5114056379821958,
  "cnr": 1.9374848258750264,
  "efc": 0.5729,
  "fber": -1.0,
  "fwhm_avg": 4.102643292214345,
  "fwhm_x": 4.018637440117636,
  "fwhm_y": 4.260297019093748,
  "fwhm_z": 4.0289954174316485,
  "icvs_csf": 0.2773761832283498,
  "icvs_gm": 0.3814699724300254,
  "icvs_wm": 0.3411538443416248,
  "inu_med": 0.3938826024532318,
  "inu_range": 0.07557406127452854,
  "provenance": {
    "md5sum": "bf54a9e2a0534ca4711157c38e581265",
    "settings": {
      "testing": false
    },
    "software": "mriqc",
    "version": "24.1.0.dev15+g9586c867.d20240825",
    "warnings": {
      "large_rot_frame": true,
      "small_air_mask": false
    }
  },
  "qi_1": 0.0,
  "qi_2": 0.0011463261850614087,
  "rpve_csf": 5.564058653069399,
  "rpve_gm": 5.495893178737166,
  "rpve_wm": 5.596787274905914,
  "size_x": 224,
  "size_y": 272,
  "size_z": 288,
  "snr_csf": 1.2307833957341392,
  "snr_gm": 4.36277807310431,
  "snr_total": 5.379804348422312,
  "snr_wm": 10.54585157642849,
  "snrd_csf": 7.791301847740814,
  "snrd_gm": 17.359567274790937,
  "snrd_total": 17.241103036170315,
  "snrd_wm": 26.5724399859792,
  "spacing_x": 0.800000011920929,
  "spacing_y": 0.7986109852790833,
  "spacing_z": 0.7986109852790833,
  "summary_bg_k": 843.155,
  "summary_bg_mad": 0.0,
  "summary_bg_mean": 1.8757,
  "summary_bg_median": 0.0,
  "summary_bg_n": 4046998.0,
  "summary_bg_p05": 0.0,
  "summary_bg_p95": 5.0,
  "summary_bg_stdv": 23.9644,
  "summary_csf_k": -0.8336,
  "summary_csf_mad": 200.8391,
  "summary_csf_mean": 303.1456,
  "summary_csf_median": 285.0,
  "summary_csf_n": 857819.9645191696,
  "summary_csf_p05": 5.0,
  "summary_csf_p95": 693.0,
  "summary_csf_stdv": 231.5597,
  "summary_gm_k": -0.6806,
  "summary_gm_mad": 110.5059,
  "summary_gm_mean": 634.9659,
  "summary_gm_median": 635.0,
  "summary_gm_n": 1179742.8113922058,
  "summary_gm_p05": 397.0,
  "summary_gm_p95": 895.0,
  "summary_gm_stdv": 145.5494,
  "summary_wm_k": -0.0499,
  "summary_wm_mad": 61.8378,
  "summary_wm_mean": 941.5176,
  "summary_wm_median": 972.0,
  "summary_wm_n": 1055060.2263056887,
  "summary_wm_p05": 751.0,
  "summary_wm_p95": 1046.0,
  "summary_wm_stdv": 92.1689,
  "tpm_overlap_csf": 0.2094433013088097,
  "tpm_overlap_gm": 0.5134192135690817,
  "tpm_overlap_wm": 0.5364665059098611,
  "wm2max": 0.6679896578201666
}
