{
  "bids_meta": {
    "AcquisitionMatrixPE": 272,
    "AcquisitionNumber": 1,
    "AcquisitionTime": "10:25:57.682500",
    "BaseResolution": 288,
    "BidsGuess": [
      "anat",
      "_acq-tfl3p5_run-10_UNIT1"
    ],
    "BodyPartExamined": "BRAIN",
    "CoilCombinationMethod": "Adaptive Combine",
    "CoilString": "1",
    "ConversionSoftware": "dcm2niix",
    "ConversionSoftwareVersion": "v1.0.20240202",
    "DeviceSerialNumber": "237203",
    "DwellTime": 7.2e-6,
    "EchoTime": 0.00283,
    "FileSize": 0.026431184262037277,
    "FileSizeUnits": "GB",
    "FrequencyEncodingSteps": 288,
    "HeudiconvVersion": "1.1.6",
    "ImageComments": "Not for diagnostic use, Uniform Image",
    "ImageOrientationPatientDICOM": [
      -0.0480568,
      0.997319,
      -0.0551857,
      -0.0806795,
      -0.0589448,
      -0.994996
    ],
    "ImageType": [
      "DERIVED",
      "PRIMARY",
      "T1",
      "UNIFORM"
    ],
    "ImageTypeText": [
      "DERIVED",
      "PRIMARY",
      "M",
      "UNI",
      "DIS3D",
      "DIS2D"
    ],
    "ImagingFrequency": 297.214386,
    "InPlanePhaseEncodingDirectionDICOM": "ROW",
    "InstitutionAddress": " ,Geneve,,CH,",
    "InstitutionName": "Fondation Campus Biotech",
    "InstitutionalDepartmentName": "MRI Terra X",
    "MRAcquisitionType": "3D",
    "MTState": false,
    "MagneticFieldStrength": 7,
    "Manufacturer": "Siemens",
    "ManufacturersModelName": "MAGNETOM Terra.X",
    "Modality": "MR",
    "NonlinearGradientCorrection": true,
    "NumberOfVolumes": 1,
    "PartialFourier": 1,
    "PatientPosition": "HFS",
    "PercentPhaseFOV": 94.4444,
    "PercentSampling": 100,
    "PhaseEncodingSteps": 272,
    "PhaseEncodingStepsOutOfPlane": 224,
    "PhaseResolution": 1,
    "PixelBandwidth": 241,
    "ProcedureStepDescription": "RESEARCH F.Grouiller",
    "ProtocolName": "anat-mp2rage_run-01",
    "PulseSequenceDetails": "%SiemensSeq%\\tfl",
    "PulseSequenceName": "*tfl3d1rr228ns",
    "RawImage": false,
    "ReceiveCoilActiveElements": "AC",
    "ReceiveCoilName": "8Tx32Rx_Head_C",
    "ReconMatrixPE": 272,
    "RefLinesPE": 32,
    "RepetitionTime": 6,
    "ScanOptions": "IR",
    "ScanningSequence": "GR\\IR",
    "SequenceVariant": "SK\\SP\\MP\\OSP",
    "SeriesDescription": "anat-mp2rage_run-01_UNI_Images",
    "SeriesNumber": 10,
    "ShimSetting": [
      -416,
      -1521,
      570,
      296,
      -231,
      157,
      -90,
      163
    ],
    "SliceThickness": 0.8,
    "SoftwareVersions": "syngo MR XA60",
    "StationName": "AWP237203",
    "TxRefAmp": 250.362,
    "acquisition": "mp2rage",
    "dataset": "bootcamp",
    "datatype": "anat",
    "extension": ".nii.gz",
    "modality": "T1w",
    "subject": "15",
    "suffix": "T1w"
  },
  "cjv": 0.4335921810699589,
  "cnr": 1.3466503969599835,
  "efc": 0.6997,
  "fber": 1.4117,
  "fwhm_avg": 3.4254302107734684,
  "fwhm_x": 3.3270874504225336,
  "fwhm_y": 3.5763845635079647,
  "fwhm_z": 3.372818618389907,
  "icvs_csf": 0.3800046881785574,
  "icvs_gm": 0.253645128167854,
  "icvs_wm": 0.3663501836535885,
  "inu_med": 0.9771953821182251,
  "inu_range": 0.05176466703414917,
  "provenance": {
    "md5sum": "6a523fa645cb81787abfa2ba73040dc1",
    "settings": {
      "testing": false
    },
    "software": "mriqc",
    "version": "24.1.0.dev15+g9586c867.d20240825",
    "warnings": {
      "large_rot_frame": true,
      "small_air_mask": false
    }
  },
  "qi_1": 0.0,
  "qi_2": 0.0006824659880296838,
  "rpve_csf": 6.264964542534005,
  "rpve_gm": 6.2313702532668955,
  "rpve_wm": 6.3133739263323925,
  "size_x": 224,
  "size_y": 272,
  "size_z": 288,
  "snr_csf": 0.0,
  "snr_gm": 1.0638940025195602,
  "snr_total": 1.9057854401489227,
  "snr_wm": 4.653462317927208,
  "snrd_csf": 0.0,
  "snrd_gm": 0.26619542704955357,
  "snrd_total": 0.47693347346378356,
  "snrd_wm": 1.164604993341797,
  "spacing_x": 0.800000011920929,
  "spacing_y": 0.7986109852790833,
  "spacing_z": 0.7986109852790833,
  "summary_bg_k": 0.8127,
  "summary_bg_mad": 531.5999,
  "summary_bg_mean": 461.3246,
  "summary_bg_median": 377.0,
  "summary_bg_n": 5005936.0,
  "summary_bg_p05": 0.0,
  "summary_bg_p95": 1395.0,
  "summary_bg_stdv": 458.9041,
  "summary_csf_k": 3054.266,
  "summary_csf_mad": 0.0,
  "summary_csf_mean": 7.6381,
  "summary_csf_median": 0.0,
  "summary_csf_n": 1050572.3611911705,
  "summary_csf_p05": 0.0,
  "summary_csf_p95": 65.0,
  "summary_csf_stdv": 36.9589,
  "summary_gm_k": -0.7298,
  "summary_gm_mad": 165.56,
  "summary_gm_mean": 237.3535,
  "summary_gm_median": 216.0,
  "summary_gm_n": 701234.9307615089,
  "summary_gm_p05": 0.0,
  "summary_gm_p95": 592.0,
  "summary_gm_stdv": 203.0276,
  "summary_wm_k": 4.9954,
  "summary_wm_mad": 150.5287,
  "summary_wm_mean": 914.728,
  "summary_wm_median": 945.0,
  "summary_wm_n": 1012822.7083422783,
  "summary_wm_p05": 564.0,
  "summary_wm_p95": 1153.0,
  "summary_wm_stdv": 203.0745,
  "tpm_overlap_csf": 0.13462331101459651,
  "tpm_overlap_gm": 0.3259612180677966,
  "tpm_overlap_wm": 0.4400251269993251,
  "wm2max": 0.42750406137242297
}
