{
  "bids_meta": {
    "AcquisitionMatrixPE": 272,
    "AcquisitionNumber": 1,
    "AcquisitionTime": "13:53:30.760000",
    "BaseResolution": 288,
    "BidsGuess": [
      "anat",
      "_acq-tfl3p5_run-12_UNIT1"
    ],
    "BodyPartExamined": "BRAIN",
    "CoilCombinationMethod": "Adaptive Combine",
    "CoilString": "1",
    "ConversionSoftware": "dcm2niix",
    "ConversionSoftwareVersion": "v1.0.20240202",
    "DeviceSerialNumber": "237203",
    "DwellTime": 7.2e-6,
    "EchoTime": 0.00283,
    "FileSize": 0.02646063268184662,
    "FileSizeUnits": "GB",
    "FrequencyEncodingSteps": 288,
    "HeudiconvVersion": "1.1.6",
    "ImageComments": "Not for diagnostic use, Uniform Image",
    "ImageOrientationPatientDICOM": [
      -0.077669,
      0.996973,
      -0.00345463,
      0.0125474,
      -0.00248733,
      -0.999918
    ],
    "ImageType": [
      "DERIVED",
      "PRIMARY",
      "T1",
      "UNIFORM"
    ],
    "ImageTypeText": [
      "DERIVED",
      "PRIMARY",
      "M",
      "UNI",
      "DIS3D",
      "DIS2D"
    ],
    "ImagingFrequency": 297.214318,
    "InPlanePhaseEncodingDirectionDICOM": "ROW",
    "InstitutionAddress": " ,Geneve,,CH,",
    "InstitutionName": "Fondation Campus Biotech",
    "InstitutionalDepartmentName": "MRI Terra X",
    "MRAcquisitionType": "3D",
    "MTState": false,
    "MagneticFieldStrength": 7,
    "Manufacturer": "Siemens",
    "ManufacturersModelName": "MAGNETOM Terra.X",
    "Modality": "MR",
    "NonlinearGradientCorrection": true,
    "NumberOfVolumes": 1,
    "PartialFourier": 1,
    "PatientPosition": "HFS",
    "PercentPhaseFOV": 94.4444,
    "PercentSampling": 100,
    "PhaseEncodingSteps": 272,
    "PhaseEncodingStepsOutOfPlane": 224,
    "PhaseResolution": 1,
    "PixelBandwidth": 241,
    "ProcedureStepDescription": "RESEARCH F.Grouiller",
    "ProtocolName": "anat-mp2rage_run-01",
    "PulseSequenceDetails": "%SiemensSeq%\\tfl",
    "PulseSequenceName": "*tfl3d1rr228ns",
    "RawImage": false,
    "ReceiveCoilActiveElements": "AC",
    "ReceiveCoilName": "8Tx32Rx_Head_C",
    "ReconMatrixPE": 272,
    "RefLinesPE": 32,
    "RepetitionTime": 6,
    "ScanOptions": "IR",
    "ScanningSequence": "GR\\IR",
    "SequenceVariant": "SK\\SP\\MP\\OSP",
    "SeriesDescription": "anat-mp2rage_run-01_UNI_Images",
    "SeriesNumber": 12,
    "ShimSetting": [
      -426,
      -1528,
      584,
      150,
      -42,
      -217,
      90,
      -7
    ],
    "SliceThickness": 0.8,
    "SoftwareVersions": "syngo MR XA60",
    "StationName": "AWP237203",
    "TxRefAmp": 269.182,
    "acquisition": "mp2rage",
    "dataset": "bootcamp",
    "datatype": "anat",
    "extension": ".nii.gz",
    "modality": "T1w",
    "subject": "14",
    "suffix": "T1w"
  },
  "cjv": 0.4244607449856733,
  "cnr": 1.2139921858441283,
  "efc": 0.71,
  "fber": 1.5814,
  "fwhm_avg": 3.6900636701829757,
  "fwhm_x": 3.6240124459980065,
  "fwhm_y": 3.8536159115373554,
  "fwhm_z": 3.5925626530135646,
  "icvs_csf": 0.34337535582051343,
  "icvs_gm": 0.29773653295169106,
  "icvs_wm": 0.35888811122779546,
  "inu_med": 0.9877304434776306,
  "inu_range": 0.08620360493659973,
  "provenance": {
    "md5sum": "02f3df4e23d9a0f2e33d545d5b7bc185",
    "settings": {
      "testing": false
    },
    "software": "mriqc",
    "version": "24.1.0.dev15+g9586c867.d20240825",
    "warnings": {
      "large_rot_frame": true,
      "small_air_mask": false
    }
  },
  "qi_1": 0.0,
  "qi_2": 0.0005116213838361028,
  "rpve_csf": 5.619710189173106,
  "rpve_gm": 5.5858853748574155,
  "rpve_wm": 5.683787486195845,
  "size_x": 224,
  "size_y": 272,
  "size_z": 288,
  "snr_csf": 0.0,
  "snr_gm": 1.2735134686872223,
  "snr_total": 2.042211718968357,
  "snr_wm": 4.853121688217848,
  "snrd_csf": 0.0,
  "snrd_gm": 0.2835044131797691,
  "snrd_total": 0.4528510493191511,
  "snrd_wm": 1.0750487347776843,
  "spacing_x": 0.800000011920929,
  "spacing_y": 0.7986109852790833,
  "spacing_z": 0.7986109852790833,
  "summary_bg_k": 0.7218,
  "summary_bg_mad": 577.7127,
  "summary_bg_mean": 503.7459,
  "summary_bg_median": 416.0,
  "summary_bg_n": 3737174.0,
  "summary_bg_p05": 0.0,
  "summary_bg_p95": 1562.0,
  "summary_bg_stdv": 503.8734,
  "summary_csf_k": 1229.0972,
  "summary_csf_mad": 0.0,
  "summary_csf_mean": 16.2387,
  "summary_csf_median": 0.0,
  "summary_csf_n": 1053809.0091546935,
  "summary_csf_p05": 0.0,
  "summary_csf_p95": 116.0,
  "summary_csf_stdv": 53.7385,
  "summary_gm_k": 0.0218,
  "summary_gm_mad": 153.4328,
  "summary_gm_mean": 253.1581,
  "summary_gm_median": 250.0,
  "summary_gm_n": 913744.7852925712,
  "summary_gm_p05": 0.0,
  "summary_gm_p95": 578.0,
  "summary_gm_stdv": 196.3072,
  "summary_wm_k": 4.7504,
  "summary_wm_mad": 142.8408,
  "summary_wm_mean": 912.0858,
  "summary_wm_median": 948.0,
  "summary_wm_n": 1101417.2056309485,
  "summary_wm_p05": 566.0,
  "summary_wm_p95": 1142.0,
  "summary_wm_stdv": 195.3381,
  "tpm_overlap_csf": 0.1472307651981423,
  "tpm_overlap_gm": 0.3861168861698553,
  "tpm_overlap_wm": 0.4757497580436017,
  "wm2max": 0.4224113728849512
}
