{
  "bids_meta": {
    "AcquisitionDuration": 297.187,
    "AcquisitionMatrixPE": 288,
    "AcquisitionNumber": 1,
    "AcquisitionTime": "14:39:4.865000",
    "BaseResolution": 288,
    "BidsGuess": [
      "anat",
      "_acq-spcR9p6_run-25_T2w"
    ],
    "BodyPartExamined": "BRAIN",
    "CoilCombinationMethod": "Adaptive Combine",
    "CoilString": "1",
    "ConversionSoftware": "dcm2niix",
    "ConversionSoftwareVersion": "v1.0.20240202",
    "DeviceSerialNumber": "237203",
    "DwellTime": 3.3e-6,
    "EchoTime": 0.142,
    "EchoTrainLength": 96,
    "FileSize": 0.0142267607152462,
    "FileSizeUnits": "GB",
    "FlipAngle": 120,
    "FrequencyEncodingSteps": 288,
    "HeudiconvVersion": "1.1.6",
    "ImageOrientationPatientDICOM": [
      -0.061727,
      0.998077,
      -0.00567386,
      0.0381097,
      -0.0033237,
      -0.999268
    ],
    "ImageType": [
      "ORIGINAL",
      "PRIMARY",
      "M",
      "NONE"
    ],
    "ImageTypeText": [
      "ORIGINAL",
      "PRIMARY",
      "M",
      "DIS3D",
      "DIS2D",
      "NORM"
    ],
    "ImagingFrequency": 297.21435,
    "InPlanePhaseEncodingDirectionDICOM": "ROW",
    "InstitutionAddress": " ,Geneve,,CH,",
    "InstitutionName": "Fondation Campus Biotech",
    "InstitutionalDepartmentName": "MRI Terra X",
    "MRAcquisitionType": "3D",
    "MTState": false,
    "MagneticFieldStrength": 7,
    "Manufacturer": "Siemens",
    "ManufacturersModelName": "MAGNETOM Terra.X",
    "Modality": "MR",
    "NonlinearGradientCorrection": true,
    "NumberOfVolumes": 1,
    "ParallelAcquisitionTechnique": "CAIPIRINHA",
    "ParallelReductionFactorInPlane": 3,
    "ParallelReductionFactorOutOfPlane": 2,
    "PartialFourier": 1,
    "PatientPosition": "HFS",
    "PercentPhaseFOV": 100,
    "PercentSampling": 100,
    "PhaseEncodingDirection": "i",
    "PhaseEncodingSteps": 288,
    "PhaseEncodingStepsOutOfPlane": 208,
    "PhaseResolution": 1,
    "PixelBandwidth": 526,
    "ProcedureStepDescription": "RESEARCH F.Grouiller",
    "ProtocolName": "anat-T2w_acq-p6_run-01",
    "PulseSequenceDetails": "%SiemensSeq%\\space",
    "PulseSequenceName": "*spcR_96ns",
    "ReceiveCoilActiveElements": "AC",
    "ReceiveCoilName": "8Tx32Rx_Head_C",
    "ReconMatrixPE": 288,
    "RefLinesPE": 32,
    "RepetitionTime": 2.65,
    "ScanningSequence": "SE",
    "SequenceVariant": "SK\\SP",
    "SeriesDescription": "anat-T2w_acq-p6_run-01",
    "SeriesNumber": 25,
    "ShimSetting": [
      -426,
      -1526,
      585,
      156,
      -47,
      -212,
      85,
      -4
    ],
    "SliceThickness": 0.8,
    "SoftwareVersions": "syngo MR XA60",
    "SpoilingState": true,
    "StationName": "AWP237203",
    "TxRefAmp": 269.182,
    "VariableFlipAngleFlag": true,
    "dataset": "bootcamp",
    "datatype": "anat",
    "extension": ".nii.gz",
    "modality": "T2w",
    "subject": "14",
    "suffix": "T2w"
  },
  "cjv": 8.889291379310345,
  "cnr": 0.17688813828176636,
  "efc": 0.5308,
  "fber": 734.5428,
  "fwhm_avg": 2.716460666964634,
  "fwhm_x": 2.550049962001294,
  "fwhm_y": 2.808792509696552,
  "fwhm_z": 2.7905395291960553,
  "icvs_csf": 0.23378828653061984,
  "icvs_gm": 0.35660524127264953,
  "icvs_wm": 0.4096064721967307,
  "inu_med": 0.9341888129711151,
  "inu_range": 0.49456608295440674,
  "provenance": {
    "md5sum": "706474fcfdc884d7a910ca66d3347997",
    "settings": {
      "testing": false
    },
    "software": "mriqc",
    "version": "24.1.0.dev15+g9586c867.d20240825",
    "warnings": {
      "large_rot_frame": true,
      "small_air_mask": false
    }
  },
  "qi_1": 0.0,
  "qi_2": 0.0006534551376224254,
  "rpve_csf": 5.220666381874981,
  "rpve_gm": 5.03206528458789,
  "rpve_wm": 5.072410307031942,
  "size_x": 208,
  "size_y": 288,
  "size_z": 288,
  "snr_csf": 1.5034584687264554,
  "snr_gm": 3.6204517656312327,
  "snr_total": 4.25277096186053,
  "snr_wm": 7.634402651223902,
  "snrd_csf": 53.72040203503498,
  "snrd_gm": 33.772520668323985,
  "snrd_total": 39.81159445761307,
  "snrd_wm": 31.941860669480253,
  "spacing_x": 0.800000011920929,
  "spacing_y": 0.7708330154418945,
  "spacing_z": 0.7708330154418945,
  "summary_bg_k": 136.4228,
  "summary_bg_mad": 20.7564,
  "summary_bg_mean": 29.9311,
  "summary_bg_median": 14.0,
  "summary_bg_n": 4263055.0,
  "summary_bg_p05": 0.0,
  "summary_bg_p95": 102.0,
  "summary_bg_stdv": 50.9422,
  "summary_csf_k": -0.9877,
  "summary_csf_mad": 1778.6402,
  "summary_csf_mean": 1829.6894,
  "summary_csf_median": 1702.0,
  "summary_csf_n": 759537.464278385,
  "summary_csf_p05": 154.0,
  "summary_csf_p95": 3769.0,
  "summary_csf_stdv": 1132.0558,
  "summary_gm_k": 9.979,
  "summary_gm_mad": 410.1426,
  "summary_gm_mean": 1074.4638,
  "summary_gm_median": 1070.0,
  "summary_gm_n": 1158548.3803489674,
  "summary_gm_p05": 599.0,
  "summary_gm_p95": 1534.0,
  "summary_gm_stdv": 295.5431,
  "summary_wm_k": 239.2431,
  "summary_wm_mad": 105.4363,
  "summary_wm_mean": 1016.6995,
  "summary_wm_median": 1012.0,
  "summary_wm_n": 1330740.157520991,
  "summary_wm_p05": 829.0,
  "summary_wm_p95": 1213.0,
  "summary_wm_stdv": 132.5578,
  "tpm_overlap_csf": 0.21157643648980062,
  "tpm_overlap_gm": 0.47545602676604026,
  "tpm_overlap_wm": 0.4968918004270994,
  "wm2max": 0.24291433423580533
}
