{
  "bids_meta": {
    "AcquisitionMatrixPE": 272,
    "AcquisitionNumber": 1,
    "AcquisitionTime": "10:17:17.460000",
    "BaseResolution": 288,
    "BidsGuess": [
      "anat",
      "_acq-tfl3p5_run-10_UNIT1"
    ],
    "BodyPartExamined": "BRAIN",
    "CoilCombinationMethod": "Adaptive Combine",
    "CoilString": "1",
    "ConversionSoftware": "dcm2niix",
    "ConversionSoftwareVersion": "v1.0.20240202",
    "DeviceSerialNumber": "237203",
    "DwellTime": 7.2e-6,
    "EchoTime": 0.00283,
    "FileSize": 0.026696148328483105,
    "FileSizeUnits": "GB",
    "FrequencyEncodingSteps": 288,
    "HeudiconvVersion": "1.1.6",
    "ImageComments": "Not for diagnostic use, Uniform Image",
    "ImageOrientationPatientDICOM": [
      0.0419067,
      0.99912,
      0.00166952,
      0.00536548,
      0.00144592,
      -0.999985
    ],
    "ImageType": [
      "DERIVED",
      "PRIMARY",
      "T1",
      "UNIFORM"
    ],
    "ImageTypeText": [
      "DERIVED",
      "PRIMARY",
      "M",
      "UNI",
      "DIS3D",
      "DIS2D"
    ],
    "ImagingFrequency": 297.214305,
    "InPlanePhaseEncodingDirectionDICOM": "ROW",
    "InstitutionAddress": " ,Geneve,,CH,",
    "InstitutionName": "Fondation Campus Biotech",
    "InstitutionalDepartmentName": "MRI Terra X",
    "MRAcquisitionType": "3D",
    "MTState": false,
    "MagneticFieldStrength": 7,
    "Manufacturer": "Siemens",
    "ManufacturersModelName": "MAGNETOM Terra.X",
    "Modality": "MR",
    "NonlinearGradientCorrection": true,
    "NumberOfVolumes": 1,
    "PartialFourier": 1,
    "PatientPosition": "HFS",
    "PercentPhaseFOV": 94.4444,
    "PercentSampling": 100,
    "PhaseEncodingSteps": 272,
    "PhaseEncodingStepsOutOfPlane": 224,
    "PhaseResolution": 1,
    "PixelBandwidth": 241,
    "ProcedureStepDescription": "RESEARCH F.Grouiller",
    "ProtocolName": "anat-mp2rage_run-01",
    "PulseSequenceDetails": "%SiemensSeq%\\tfl",
    "PulseSequenceName": "*tfl3d1rr228ns",
    "RawImage": false,
    "ReceiveCoilActiveElements": "AC",
    "ReceiveCoilName": "8Tx32Rx_Head_C",
    "ReconMatrixPE": 272,
    "RefLinesPE": 32,
    "RepetitionTime": 6,
    "ScanOptions": "IR",
    "ScanningSequence": "GR\\IR",
    "SequenceVariant": "SK\\SP\\MP\\OSP",
    "SeriesDescription": "anat-mp2rage_run-01_UNI_Images",
    "SeriesNumber": 10,
    "ShimSetting": [
      -384,
      -1597,
      607,
      141,
      -62,
      -368,
      71,
      120
    ],
    "SliceThickness": 0.8,
    "SoftwareVersions": "syngo MR XA60",
    "StationName": "AWP237203",
    "TxRefAmp": 252.209,
    "acquisition": "mp2rage",
    "dataset": "bootcamp",
    "datatype": "anat",
    "extension": ".nii.gz",
    "modality": "T1w",
    "subject": "17",
    "suffix": "T1w"
  },
  "cjv": 0.1977044228694714,
  "cnr": 1.6108815703773707,
  "efc": 0.7154,
  "fber": 1.995,
  "fwhm_avg": 3.271039530574573,
  "fwhm_x": 3.265374951342121,
  "fwhm_y": 3.3445194834962115,
  "fwhm_z": 3.203224156885387,
  "icvs_csf": 0.217906509093509,
  "icvs_gm": 0.3854375112776863,
  "icvs_wm": 0.3966559796288046,
  "inu_med": 1.017198622226715,
  "inu_range": 0.055269488692283764,
  "provenance": {
    "md5sum": "00e3fccb50e1dace64c55e8e431f0c88",
    "settings": {
      "testing": false
    },
    "software": "mriqc",
    "version": "24.1.0.dev15+g9586c867.d20240825",
    "warnings": {
      "large_rot_frame": true,
      "small_air_mask": false
    }
  },
  "qi_1": 0.0,
  "qi_2": 0.00043806912128595483,
  "rpve_csf": 5.991540263000061,
  "rpve_gm": 6.017992709620052,
  "rpve_wm": 6.135435655637548,
  "size_x": 224,
  "size_y": 272,
  "size_z": 288,
  "snr_csf": 0.5895520055430606,
  "snr_gm": 0.0,
  "snr_total": 1.4950112207152226,
  "snr_wm": 3.895481656602607,
  "snrd_csf": 0.13159897492298656,
  "snrd_gm": 0.0,
  "snrd_total": 0.4169313089303183,
  "snrd_wm": 1.1191949518679682,
  "spacing_x": 0.800000011920929,
  "spacing_y": 0.7986109852790833,
  "spacing_z": 0.7986109852790833,
  "summary_bg_k": -0.0898,
  "summary_bg_mad": 542.6324,
  "summary_bg_mean": 492.5813,
  "summary_bg_median": 366.0,
  "summary_bg_n": 3828750.0,
  "summary_bg_p05": 0.0,
  "summary_bg_p95": 1524.0,
  "summary_bg_stdv": 517.6279,
  "summary_csf_k": 1.8436,
  "summary_csf_mad": 324.0824,
  "summary_csf_mean": 170.4578,
  "summary_csf_median": 109.0,
  "summary_csf_n": 620000.67394058,
  "summary_csf_p05": 0.0,
  "summary_csf_p95": 496.0,
  "summary_csf_stdv": 184.886,
  "summary_gm_k": 2.9222,
  "summary_gm_mad": 0.0,
  "summary_gm_mean": 41.3379,
  "summary_gm_median": 0.0,
  "summary_gm_n": 1096669.9331207077,
  "summary_gm_p05": 0.0,
  "summary_gm_p95": 232.0,
  "summary_gm_stdv": 81.1686,
  "summary_wm_k": 2.3273,
  "summary_wm_mad": 183.272,
  "summary_wm_mean": 881.3954,
  "summary_wm_median": 927.0,
  "summary_wm_n": 1128589.3923750876,
  "summary_wm_p05": 466.0,
  "summary_wm_p95": 1167.0,
  "summary_wm_stdv": 237.9679,
  "tpm_overlap_csf": 0.2416437025521004,
  "tpm_overlap_gm": 0.4240842558642601,
  "tpm_overlap_wm": 0.45707183809086455,
  "wm2max": 0.4387693149561619
}
