{
  "bids_meta": {
    "AcquisitionMatrixPE": 272,
    "AcquisitionNumber": 1,
    "AcquisitionTime": "10:17:17.460000",
    "BaseResolution": 288,
    "BidsGuess": [
      "anat",
      "_acq-tfl3p5_run-11_UNIT1"
    ],
    "BodyPartExamined": "BRAIN",
    "CoilCombinationMethod": "Adaptive Combine",
    "CoilString": "1",
    "ConversionSoftware": "dcm2niix",
    "ConversionSoftwareVersion": "v1.0.20240202",
    "DeviceSerialNumber": "237203",
    "DwellTime": 7.2e-6,
    "EchoTime": 0.00283,
    "FileSize": 0.021350374445319176,
    "FileSizeUnits": "GB",
    "FrequencyEncodingSteps": 288,
    "HeudiconvVersion": "1.1.6",
    "ImageComments": "Not for diagnostic use, UNIFORM-weighted Image (lambda = 0.2)",
    "ImageOrientationPatientDICOM": [
      0.0419067,
      0.99912,
      0.00166952,
      0.00536548,
      0.00144592,
      -0.999985
    ],
    "ImageType": [
      "DERIVED",
      "PRIMARY",
      "T1",
      "UNIFORM"
    ],
    "ImageTypeText": [
      "DERIVED",
      "PRIMARY",
      "M",
      "UNI",
      "DIS3D",
      "DIS2D"
    ],
    "ImagingFrequency": 297.214305,
    "InPlanePhaseEncodingDirectionDICOM": "ROW",
    "InstitutionAddress": " ,Geneve,,CH,",
    "InstitutionName": "Fondation Campus Biotech",
    "InstitutionalDepartmentName": "MRI Terra X",
    "MRAcquisitionType": "3D",
    "MTState": false,
    "MagneticFieldStrength": 7,
    "Manufacturer": "Siemens",
    "ManufacturersModelName": "MAGNETOM Terra.X",
    "Modality": "MR",
    "NonlinearGradientCorrection": true,
    "NumberOfVolumes": 1,
    "PartialFourier": 1,
    "PatientPosition": "HFS",
    "PercentPhaseFOV": 94.4444,
    "PercentSampling": 100,
    "PhaseEncodingSteps": 272,
    "PhaseEncodingStepsOutOfPlane": 224,
    "PhaseResolution": 1,
    "PixelBandwidth": 241,
    "ProcedureStepDescription": "RESEARCH F.Grouiller",
    "ProtocolName": "anat-mp2rage_run-01",
    "PulseSequenceDetails": "%SiemensSeq%\\tfl",
    "PulseSequenceName": "*tfl3d1rr228ns",
    "RawImage": false,
    "ReceiveCoilActiveElements": "AC",
    "ReceiveCoilName": "8Tx32Rx_Head_C",
    "ReconMatrixPE": 272,
    "RefLinesPE": 32,
    "RepetitionTime": 6,
    "ScanOptions": "IR",
    "ScanningSequence": "GR\\IR",
    "SequenceVariant": "SK\\SP\\MP\\OSP",
    "SeriesDescription": "anat-mp2rage_run-01_UNI-DEN",
    "SeriesNumber": 11,
    "ShimSetting": [
      -384,
      -1597,
      607,
      141,
      -62,
      -368,
      71,
      120
    ],
    "SliceThickness": 0.8,
    "SoftwareVersions": "syngo MR XA60",
    "StationName": "AWP237203",
    "TxRefAmp": 252.209,
    "acquisition": "denoised",
    "dataset": "bootcamp",
    "datatype": "anat",
    "extension": ".nii.gz",
    "modality": "T1w",
    "subject": "17",
    "suffix": "T1w"
  },
  "cjv": 0.4921401595744681,
  "cnr": 1.880724038366424,
  "efc": 0.5646,
  "fber": -1.0,
  "fwhm_avg": 3.8091534615917353,
  "fwhm_x": 3.7973374434152625,
  "fwhm_y": 3.8564333032856215,
  "fwhm_z": 3.7736896380743206,
  "icvs_csf": 0.2829858593822822,
  "icvs_gm": 0.378468897728803,
  "icvs_wm": 0.33854524288891474,
  "inu_med": 0.4575398415327072,
  "inu_range": 0.06906612068414691,
  "provenance": {
    "md5sum": "b61ff98e2d0f9ced48cfb009d32ad587",
    "settings": {
      "testing": false
    },
    "software": "mriqc",
    "version": "24.1.0.dev15+g9586c867.d20240825",
    "warnings": {
      "large_rot_frame": true,
      "small_air_mask": false
    }
  },
  "qi_1": 0.0,
  "qi_2": 0.0027787225004738056,
  "rpve_csf": 6.003871692006937,
  "rpve_gm": 5.929138010547159,
  "rpve_wm": 6.0401160275544346,
  "size_x": 224,
  "size_y": 272,
  "size_z": 288,
  "snr_csf": 1.0756767343804896,
  "snr_gm": 3.499313104892585,
  "snr_total": 4.531386452722168,
  "snr_wm": 9.019169518893428,
  "snrd_csf": 8.594075232546253,
  "snrd_gm": 21.875827864663187,
  "snrd_total": 22.111451860937905,
  "snrd_wm": 35.864452485604275,
  "spacing_x": 0.800000011920929,
  "spacing_y": 0.7986109852790833,
  "spacing_z": 0.7986109852790833,
  "summary_bg_k": 1451.4016,
  "summary_bg_mad": 0.0,
  "summary_bg_mean": 2.8074,
  "summary_bg_median": 0.0,
  "summary_bg_n": 3908799.0,
  "summary_bg_p05": 0.0,
  "summary_bg_p95": 10.0,
  "summary_bg_stdv": 17.6094,
  "summary_csf_k": -0.7629,
  "summary_csf_mad": 191.9846,
  "summary_csf_mean": 263.8466,
  "summary_csf_median": 231.0,
  "summary_csf_n": 811240.6572932095,
  "summary_csf_p05": 0.0,
  "summary_csf_p95": 632.0,
  "summary_csf_stdv": 214.7484,
  "summary_gm_k": -0.4704,
  "summary_gm_mad": 112.6477,
  "summary_gm_mean": 590.1033,
  "summary_gm_median": 588.0,
  "summary_gm_n": 1084963.6021699172,
  "summary_gm_p05": 310.0,
  "summary_gm_p95": 893.0,
  "summary_gm_stdv": 168.0329,
  "summary_wm_k": -0.1476,
  "summary_wm_mad": 72.397,
  "summary_wm_mean": 927.8109,
  "summary_wm_median": 964.0,
  "summary_wm_n": 970513.742150212,
  "summary_wm_p05": 710.0,
  "summary_wm_p95": 1047.0,
  "summary_wm_stdv": 106.8834,
  "tpm_overlap_csf": 0.2013059926643122,
  "tpm_overlap_gm": 0.5134001505760153,
  "tpm_overlap_wm": 0.5277318853293503,
  "wm2max": 0.6625709502347906
}
