{
  "bids_meta": {
    "AcquisitionMatrixPE": 272,
    "AcquisitionNumber": 1,
    "AcquisitionTime": "10:15:20.085000",
    "BaseResolution": 288,
    "BidsGuess": [
      "anat",
      "_acq-tfl3p5_run-14_UNIT1"
    ],
    "BodyPartExamined": "BRAIN",
    "CoilCombinationMethod": "Adaptive Combine",
    "CoilString": "1",
    "ConversionSoftware": "dcm2niix",
    "ConversionSoftwareVersion": "v1.0.20240202",
    "DeviceSerialNumber": "237203",
    "DwellTime": 7.2e-6,
    "EchoTime": 0.00283,
    "FileSize": 0.020860047079622746,
    "FileSizeUnits": "GB",
    "FrequencyEncodingSteps": 288,
    "HeudiconvVersion": "1.1.6",
    "ImageComments": "Not for diagnostic use, UNIFORM-weighted Image (lambda = 0.2)",
    "ImageOrientationPatientDICOM": [
      -0.0309389,
      0.999517,
      0.00296103,
      0.0417582,
      0.00425243,
      -0.999119
    ],
    "ImageType": [
      "DERIVED",
      "PRIMARY",
      "T1",
      "UNIFORM"
    ],
    "ImageTypeText": [
      "DERIVED",
      "PRIMARY",
      "M",
      "UNI",
      "DIS3D",
      "DIS2D"
    ],
    "ImagingFrequency": 297.214347,
    "InPlanePhaseEncodingDirectionDICOM": "ROW",
    "InstitutionAddress": " ,Geneve,,CH,",
    "InstitutionName": "Fondation Campus Biotech",
    "InstitutionalDepartmentName": "MRI Terra X",
    "MRAcquisitionType": "3D",
    "MTState": false,
    "MagneticFieldStrength": 7,
    "Manufacturer": "Siemens",
    "ManufacturersModelName": "MAGNETOM Terra.X",
    "Modality": "MR",
    "NonlinearGradientCorrection": true,
    "NumberOfVolumes": 1,
    "PartialFourier": 1,
    "PatientPosition": "HFS",
    "PercentPhaseFOV": 94.4444,
    "PercentSampling": 100,
    "PhaseEncodingSteps": 272,
    "PhaseEncodingStepsOutOfPlane": 224,
    "PhaseResolution": 1,
    "PixelBandwidth": 241,
    "ProcedureStepDescription": "RESEARCH F.Grouiller",
    "ProtocolName": "anat-mp2rage_run-01",
    "PulseSequenceDetails": "%SiemensSeq%\\tfl",
    "PulseSequenceName": "*tfl3d1rr228ns",
    "RawImage": false,
    "ReceiveCoilActiveElements": "AC",
    "ReceiveCoilName": "8Tx32Rx_Head_C",
    "ReconMatrixPE": 272,
    "RefLinesPE": 32,
    "RepetitionTime": 6,
    "ScanOptions": "IR",
    "ScanningSequence": "GR\\IR",
    "SequenceVariant": "SK\\SP\\MP\\OSP",
    "SeriesDescription": "anat-mp2rage_run-01_UNI-DEN",
    "SeriesNumber": 14,
    "ShimSetting": [
      -385,
      -1496,
      586,
      158,
      -55,
      -116,
      -14,
      65
    ],
    "SliceThickness": 0.8,
    "SoftwareVersions": "syngo MR XA60",
    "StationName": "AWP237203",
    "TxRefAmp": 233.383,
    "acquisition": "denoised",
    "dataset": "bootcamp",
    "datatype": "anat",
    "extension": ".nii.gz",
    "modality": "T1w",
    "subject": "16",
    "suffix": "T1w"
  },
  "cjv": 0.4571169712793734,
  "cnr": 2.2282645504300067,
  "efc": 0.5226,
  "fber": -1.0,
  "fwhm_avg": 3.8052321123206903,
  "fwhm_x": 3.6856749450791635,
  "fwhm_y": 3.9446865345824214,
  "fwhm_z": 3.7853348573004872,
  "icvs_csf": 0.28076388050962586,
  "icvs_gm": 0.38782650129480833,
  "icvs_wm": 0.33140961819556586,
  "inu_med": 0.42203137278556824,
  "inu_range": 0.08595484942197795,
  "provenance": {
    "md5sum": "309be5d0a051f88ebd1a3986c3612092",
    "settings": {
      "testing": false
    },
    "software": "mriqc",
    "version": "24.1.0.dev15+g9586c867.d20240825",
    "warnings": {
      "large_rot_frame": true,
      "small_air_mask": false
    }
  },
  "qi_1": 0.0,
  "qi_2": 0.001341503259400638,
  "rpve_csf": 6.575291257400072,
  "rpve_gm": 6.527269112382153,
  "rpve_wm": 6.646066587224856,
  "size_x": 224,
  "size_y": 272,
  "size_z": 288,
  "snr_csf": 1.300963264119859,
  "snr_gm": 4.027131767563017,
  "snr_total": 5.476946794532551,
  "snr_wm": 11.102745351914773,
  "snrd_csf": 10.77490307725463,
  "snrd_gm": 21.958509374680986,
  "snrd_total": 22.974074952077398,
  "snrd_wm": 36.188812404296584,
  "spacing_x": 0.800000011920929,
  "spacing_y": 0.7986109852790833,
  "spacing_z": 0.7986109852790833,
  "summary_bg_k": 1561.2941,
  "summary_bg_mad": 0.0,
  "summary_bg_mean": 2.686,
  "summary_bg_median": 0.0,
  "summary_bg_n": 3913089.0,
  "summary_bg_p05": 0.0,
  "summary_bg_p95": 10.0,
  "summary_bg_stdv": 17.6326,
  "summary_csf_k": -0.803,
  "summary_csf_mad": 182.2403,
  "summary_csf_mean": 302.6379,
  "summary_csf_median": 290.0,
  "summary_csf_n": 735093.7465652907,
  "summary_csf_p05": 0.0,
  "summary_csf_p95": 670.0,
  "summary_csf_stdv": 222.9116,
  "summary_gm_k": -0.6792,
  "summary_gm_mad": 112.7625,
  "summary_gm_mean": 593.2672,
  "summary_gm_median": 591.0,
  "summary_gm_n": 1015404.2440809445,
  "summary_gm_p05": 353.0,
  "summary_gm_p95": 836.0,
  "summary_gm_stdv": 146.7545,
  "summary_wm_k": -0.0937,
  "summary_wm_mad": 62.3133,
  "summary_wm_mean": 947.8392,
  "summary_wm_median": 974.0,
  "summary_wm_n": 867694.0119396831,
  "summary_wm_p05": 767.0,
  "summary_wm_p95": 1049.0,
  "summary_wm_stdv": 87.726,
  "tpm_overlap_csf": 0.2189247078900348,
  "tpm_overlap_gm": 0.5195007164091647,
  "tpm_overlap_wm": 0.532153706101985,
  "wm2max": 0.6795921209931433
}
