{
  "bids_meta": {
    "AcquisitionMatrixPE": 272,
    "AcquisitionNumber": 1,
    "AcquisitionTime": "10:15:20.085000",
    "BaseResolution": 288,
    "BidsGuess": [
      "anat",
      "_acq-tfl3p5_run-13_UNIT1"
    ],
    "BodyPartExamined": "BRAIN",
    "CoilCombinationMethod": "Adaptive Combine",
    "CoilString": "1",
    "ConversionSoftware": "dcm2niix",
    "ConversionSoftwareVersion": "v1.0.20240202",
    "DeviceSerialNumber": "237203",
    "DwellTime": 7.2e-6,
    "EchoTime": 0.00283,
    "FileSize": 0.0267276456579566,
    "FileSizeUnits": "GB",
    "FrequencyEncodingSteps": 288,
    "HeudiconvVersion": "1.1.6",
    "ImageComments": "Not for diagnostic use, Uniform Image",
    "ImageOrientationPatientDICOM": [
      -0.0309389,
      0.999517,
      0.00296103,
      0.0417582,
      0.00425243,
      -0.999119
    ],
    "ImageType": [
      "DERIVED",
      "PRIMARY",
      "T1",
      "UNIFORM"
    ],
    "ImageTypeText": [
      "DERIVED",
      "PRIMARY",
      "M",
      "UNI",
      "DIS3D",
      "DIS2D"
    ],
    "ImagingFrequency": 297.214347,
    "InPlanePhaseEncodingDirectionDICOM": "ROW",
    "InstitutionAddress": " ,Geneve,,CH,",
    "InstitutionName": "Fondation Campus Biotech",
    "InstitutionalDepartmentName": "MRI Terra X",
    "MRAcquisitionType": "3D",
    "MTState": false,
    "MagneticFieldStrength": 7,
    "Manufacturer": "Siemens",
    "ManufacturersModelName": "MAGNETOM Terra.X",
    "Modality": "MR",
    "NonlinearGradientCorrection": true,
    "NumberOfVolumes": 1,
    "PartialFourier": 1,
    "PatientPosition": "HFS",
    "PercentPhaseFOV": 94.4444,
    "PercentSampling": 100,
    "PhaseEncodingSteps": 272,
    "PhaseEncodingStepsOutOfPlane": 224,
    "PhaseResolution": 1,
    "PixelBandwidth": 241,
    "ProcedureStepDescription": "RESEARCH F.Grouiller",
    "ProtocolName": "anat-mp2rage_run-01",
    "PulseSequenceDetails": "%SiemensSeq%\\tfl",
    "PulseSequenceName": "*tfl3d1rr228ns",
    "RawImage": false,
    "ReceiveCoilActiveElements": "AC",
    "ReceiveCoilName": "8Tx32Rx_Head_C",
    "ReconMatrixPE": 272,
    "RefLinesPE": 32,
    "RepetitionTime": 6,
    "ScanOptions": "IR",
    "ScanningSequence": "GR\\IR",
    "SequenceVariant": "SK\\SP\\MP\\OSP",
    "SeriesDescription": "anat-mp2rage_run-01_UNI_Images",
    "SeriesNumber": 13,
    "ShimSetting": [
      -385,
      -1496,
      586,
      158,
      -55,
      -116,
      -14,
      65
    ],
    "SliceThickness": 0.8,
    "SoftwareVersions": "syngo MR XA60",
    "StationName": "AWP237203",
    "TxRefAmp": 233.383,
    "acquisition": "mp2rage",
    "dataset": "bootcamp",
    "datatype": "anat",
    "extension": ".nii.gz",
    "modality": "T1w",
    "subject": "16",
    "suffix": "T1w"
  },
  "cjv": 0.19770743534482757,
  "cnr": 1.6381178006697201,
  "efc": 0.6943,
  "fber": 1.9208,
  "fwhm_avg": 3.3757686329331253,
  "fwhm_x": 3.284499951057137,
  "fwhm_y": 3.5022934213991164,
  "fwhm_z": 3.340512526343122,
  "icvs_csf": 0.21745109768525075,
  "icvs_gm": 0.39385690071038354,
  "icvs_wm": 0.3886920016043658,
  "inu_med": 1.0058706998825073,
  "inu_range": 0.05623494386672967,
  "provenance": {
    "md5sum": "2b079cf2d7b77e558fa68f4b5868560c",
    "settings": {
      "testing": false
    },
    "software": "mriqc",
    "version": "24.1.0.dev15+g9586c867.d20240825",
    "warnings": {
      "large_rot_frame": true,
      "small_air_mask": false
    }
  },
  "qi_1": 0.0,
  "qi_2": 0.0005126657766769249,
  "rpve_csf": 6.605814032700286,
  "rpve_gm": 6.6314226773379845,
  "rpve_wm": 6.730965121930406,
  "size_x": 224,
  "size_y": 272,
  "size_z": 288,
  "snr_csf": 0.8051797835118036,
  "snr_gm": 0.0,
  "snr_total": 1.612594262546497,
  "snr_wm": 4.0326030041276875,
  "snrd_csf": 0.19498954669364052,
  "snrd_gm": 0.0,
  "snrd_total": 0.49893008710339193,
  "snrd_wm": 1.3018007146165353,
  "spacing_x": 0.800000011920929,
  "spacing_y": 0.7986109852790833,
  "spacing_z": 0.7986109852790833,
  "summary_bg_k": -0.0801,
  "summary_bg_mad": 467.0197,
  "summary_bg_mean": 469.1108,
  "summary_bg_median": 315.0,
  "summary_bg_n": 3981854.0,
  "summary_bg_p05": 0.0,
  "summary_bg_p95": 1499.0,
  "summary_bg_stdv": 514.7138,
  "summary_csf_k": 0.5613,
  "summary_csf_mad": 228.4242,
  "summary_csf_mean": 168.2011,
  "summary_csf_median": 139.0,
  "summary_csf_n": 564605.6862862731,
  "summary_csf_p05": 0.0,
  "summary_csf_p95": 467.0,
  "summary_csf_stdv": 172.6321,
  "summary_gm_k": 4.8927,
  "summary_gm_mad": 0.0,
  "summary_gm_mean": 23.6297,
  "summary_gm_median": 0.0,
  "summary_gm_n": 1022638.4142978449,
  "summary_gm_p05": 0.0,
  "summary_gm_p95": 157.0,
  "summary_gm_stdv": 55.1284,
  "summary_wm_k": 1.6413,
  "summary_wm_mad": 183.4725,
  "summary_wm_mean": 878.4708,
  "summary_wm_median": 928.0,
  "summary_wm_n": 1009227.8983915354,
  "summary_wm_p05": 464.0,
  "summary_wm_p95": 1154.0,
  "summary_wm_stdv": 230.1242,
  "tpm_overlap_csf": 0.2353893448720809,
  "tpm_overlap_gm": 0.41658385389846503,
  "tpm_overlap_wm": 0.47685310779768436,
  "wm2max": 0.4442241414823655
}
