{
  "bids_meta": {
    "AcquisitionDuration": 297.187,
    "AcquisitionMatrixPE": 288,
    "AcquisitionNumber": 1,
    "AcquisitionTime": "11:03:27.100000",
    "BaseResolution": 288,
    "BidsGuess": [
      "anat",
      "_acq-spcR9p6_run-35_T2w"
    ],
    "BodyPartExamined": "BRAIN",
    "CoilCombinationMethod": "Adaptive Combine",
    "CoilString": "1",
    "ConversionSoftware": "dcm2niix",
    "ConversionSoftwareVersion": "v1.0.20240202",
    "DeviceSerialNumber": "237203",
    "DwellTime": 3.3e-6,
    "EchoTime": 0.142,
    "EchoTrainLength": 96,
    "FileSize": 0.011225092224776745,
    "FileSizeUnits": "GB",
    "FlipAngle": 120,
    "FrequencyEncodingSteps": 288,
    "HeudiconvVersion": "1.1.6",
    "ImageOrientationPatientDICOM": [
      -0.0135157,
      0.999909,
      0.000149002,
      0.066361,
      0.00104568,
      -0.997795
    ],
    "ImageType": [
      "ORIGINAL",
      "PRIMARY",
      "M",
      "NONE"
    ],
    "ImageTypeText": [
      "ORIGINAL",
      "PRIMARY",
      "M",
      "DIS3D",
      "DIS2D",
      "NORM"
    ],
    "ImagingFrequency": 297.214373,
    "InPlanePhaseEncodingDirectionDICOM": "ROW",
    "InstitutionAddress": " ,Geneve,,CH,",
    "InstitutionName": "Fondation Campus Biotech",
    "InstitutionalDepartmentName": "MRI Terra X",
    "MRAcquisitionType": "3D",
    "MTState": false,
    "MagneticFieldStrength": 7,
    "Manufacturer": "Siemens",
    "ManufacturersModelName": "MAGNETOM Terra.X",
    "Modality": "MR",
    "NonlinearGradientCorrection": true,
    "NumberOfVolumes": 1,
    "ParallelAcquisitionTechnique": "CAIPIRINHA",
    "ParallelReductionFactorInPlane": 3,
    "ParallelReductionFactorOutOfPlane": 2,
    "PartialFourier": 1,
    "PatientPosition": "HFS",
    "PercentPhaseFOV": 100,
    "PercentSampling": 100,
    "PhaseEncodingDirection": "i",
    "PhaseEncodingSteps": 288,
    "PhaseEncodingStepsOutOfPlane": 208,
    "PhaseResolution": 1,
    "PixelBandwidth": 526,
    "ProcedureStepDescription": "RESEARCH F.Grouiller",
    "ProtocolName": "anat-T2w_acq-p6_run-01",
    "PulseSequenceDetails": "%SiemensSeq%\\space",
    "PulseSequenceName": "*spcR_96ns",
    "ReceiveCoilActiveElements": "AC",
    "ReceiveCoilName": "8Tx32Rx_Head_C",
    "ReconMatrixPE": 288,
    "RefLinesPE": 32,
    "RepetitionTime": 2.65,
    "ScanningSequence": "SE",
    "SequenceVariant": "SK\\SP",
    "SeriesDescription": "anat-T2w_acq-p6_run-01",
    "SeriesNumber": 35,
    "ShimSetting": [
      -386,
      -1496,
      585,
      157,
      -56,
      -116,
      -15,
      66
    ],
    "SliceThickness": 0.8,
    "SoftwareVersions": "syngo MR XA60",
    "SpoilingState": true,
    "StationName": "AWP237203",
    "TxRefAmp": 233.383,
    "VariableFlipAngleFlag": true,
    "dataset": "bootcamp",
    "datatype": "anat",
    "extension": ".nii.gz",
    "modality": "T2w",
    "subject": "16",
    "suffix": "T2w"
  },
  "cjv": 7.457902777777777,
  "cnr": 0.20559671845582195,
  "efc": 0.5267,
  "fber": 497.9225,
  "fwhm_avg": 2.269771667633778,
  "fwhm_x": 2.137524968148396,
  "fwhm_y": 2.3105263582657924,
  "fwhm_z": 2.361263676487145,
  "icvs_csf": 0.2558045153336818,
  "icvs_gm": 0.3541596382397386,
  "icvs_wm": 0.3900358464265795,
  "inu_med": 0.8895178139209747,
  "inu_range": 0.44876162707805634,
  "provenance": {
    "md5sum": "942ed90881e5f59bb148ec28ce5a1662",
    "settings": {
      "testing": false
    },
    "software": "mriqc",
    "version": "24.1.0.dev15+g9586c867.d20240825",
    "warnings": {
      "large_rot_frame": true,
      "small_air_mask": false
    }
  },
  "qi_1": 0.0,
  "qi_2": 0.0010247698152481266,
  "rpve_csf": 6.229221583772256,
  "rpve_gm": 6.047062550937931,
  "rpve_wm": 6.096344212315958,
  "size_x": 208,
  "size_y": 288,
  "size_z": 288,
  "snr_csf": 1.546825061566671,
  "snr_gm": 3.6416232177198387,
  "snr_total": 4.022434990414557,
  "snr_wm": 6.878856691957163,
  "snrd_csf": 60.73888848828226,
  "snrd_gm": 45.03194047312461,
  "snrd_total": 49.30348047042664,
  "snrd_wm": 42.13961244987308,
  "spacing_x": 0.800000011920929,
  "spacing_y": 0.7708330154418945,
  "spacing_z": 0.7708330154418945,
  "summary_bg_k": 125.0845,
  "summary_bg_mad": 16.3086,
  "summary_bg_mean": 35.2369,
  "summary_bg_median": 11.0,
  "summary_bg_n": 3907638.0,
  "summary_bg_p05": 0.0,
  "summary_bg_p95": 127.0,
  "summary_bg_stdv": 68.0146,
  "summary_csf_k": -1.1744,
  "summary_csf_mad": 1576.0035,
  "summary_csf_mean": 1604.6966,
  "summary_csf_median": 1512.0,
  "summary_csf_n": 696155.6172846761,
  "summary_csf_p05": 152.0,
  "summary_csf_p95": 3320.0,
  "summary_csf_stdv": 977.4854,
  "summary_gm_k": 7.323,
  "summary_gm_mad": 422.9317,
  "summary_gm_mean": 1119.1621,
  "summary_gm_median": 1121.0,
  "summary_gm_n": 963822.7896583165,
  "summary_gm_p05": 621.0,
  "summary_gm_p95": 1584.0,
  "summary_gm_stdv": 307.8296,
  "summary_wm_k": 192.15,
  "summary_wm_mad": 114.0373,
  "summary_wm_mean": 1054.9086,
  "summary_wm_median": 1049.0,
  "summary_wm_n": 1061457.5942025788,
  "summary_wm_p05": 846.0,
  "summary_wm_p95": 1273.0,
  "summary_wm_stdv": 152.4962,
  "tpm_overlap_csf": 0.22166088505220113,
  "tpm_overlap_gm": 0.490668011012397,
  "tpm_overlap_wm": 0.5130396371844294,
  "wm2max": 0.28947506186631905
}
