{
  "bids_meta": {
    "AcquisitionMatrixPE": 272,
    "AcquisitionNumber": 1,
    "AcquisitionTime": "10:25:57.682500",
    "BaseResolution": 288,
    "BidsGuess": [
      "anat",
      "_acq-tfl3p5_run-11_UNIT1"
    ],
    "BodyPartExamined": "BRAIN",
    "CoilCombinationMethod": "Adaptive Combine",
    "CoilString": "1",
    "ConversionSoftware": "dcm2niix",
    "ConversionSoftwareVersion": "v1.0.20240202",
    "DeviceSerialNumber": "237203",
    "DwellTime": 7.2e-6,
    "EchoTime": 0.00283,
    "FileSize": 0.020203959196805954,
    "FileSizeUnits": "GB",
    "FrequencyEncodingSteps": 288,
    "HeudiconvVersion": "1.1.6",
    "ImageComments": "Not for diagnostic use, UNIFORM-weighted Image (lambda = 0.2)",
    "ImageOrientationPatientDICOM": [
      -0.0480568,
      0.997319,
      -0.0551857,
      -0.0806795,
      -0.0589448,
      -0.994996
    ],
    "ImageType": [
      "DERIVED",
      "PRIMARY",
      "T1",
      "UNIFORM"
    ],
    "ImageTypeText": [
      "DERIVED",
      "PRIMARY",
      "M",
      "UNI",
      "DIS3D",
      "DIS2D"
    ],
    "ImagingFrequency": 297.214386,
    "InPlanePhaseEncodingDirectionDICOM": "ROW",
    "InstitutionAddress": " ,Geneve,,CH,",
    "InstitutionName": "Fondation Campus Biotech",
    "InstitutionalDepartmentName": "MRI Terra X",
    "MRAcquisitionType": "3D",
    "MTState": false,
    "MagneticFieldStrength": 7,
    "Manufacturer": "Siemens",
    "ManufacturersModelName": "MAGNETOM Terra.X",
    "Modality": "MR",
    "NonlinearGradientCorrection": true,
    "NumberOfVolumes": 1,
    "PartialFourier": 1,
    "PatientPosition": "HFS",
    "PercentPhaseFOV": 94.4444,
    "PercentSampling": 100,
    "PhaseEncodingSteps": 272,
    "PhaseEncodingStepsOutOfPlane": 224,
    "PhaseResolution": 1,
    "PixelBandwidth": 241,
    "ProcedureStepDescription": "RESEARCH F.Grouiller",
    "ProtocolName": "anat-mp2rage_run-01",
    "PulseSequenceDetails": "%SiemensSeq%\\tfl",
    "PulseSequenceName": "*tfl3d1rr228ns",
    "RawImage": false,
    "ReceiveCoilActiveElements": "AC",
    "ReceiveCoilName": "8Tx32Rx_Head_C",
    "ReconMatrixPE": 272,
    "RefLinesPE": 32,
    "RepetitionTime": 6,
    "ScanOptions": "IR",
    "ScanningSequence": "GR\\IR",
    "SequenceVariant": "SK\\SP\\MP\\OSP",
    "SeriesDescription": "anat-mp2rage_run-01_UNI-DEN",
    "SeriesNumber": 11,
    "ShimSetting": [
      -416,
      -1521,
      570,
      296,
      -231,
      157,
      -90,
      163
    ],
    "SliceThickness": 0.8,
    "SoftwareVersions": "syngo MR XA60",
    "StationName": "AWP237203",
    "TxRefAmp": 250.362,
    "acquisition": "denoised",
    "dataset": "bootcamp",
    "datatype": "anat",
    "extension": ".nii.gz",
    "modality": "T1w",
    "subject": "15",
    "suffix": "T1w"
  },
  "cjv": 0.48415469168900804,
  "cnr": 2.0994623400823995,
  "efc": 0.5262,
  "fber": -1.0,
  "fwhm_avg": 3.9930225810282565,
  "fwhm_x": 3.862349942446501,
  "fwhm_y": 4.183701528764219,
  "fwhm_z": 3.933016271874048,
  "icvs_csf": 0.28196199892641693,
  "icvs_gm": 0.3798405335416425,
  "icvs_wm": 0.33819746753194047,
  "inu_med": 0.39026665687561035,
  "inu_range": 0.0766754001379013,
  "provenance": {
    "md5sum": "1ad04b94b45077200d3f62924171f621",
    "settings": {
      "testing": false
    },
    "software": "mriqc",
    "version": "24.1.0.dev15+g9586c867.d20240825",
    "warnings": {
      "large_rot_frame": true,
      "small_air_mask": false
    }
  },
  "qi_1": 0.0,
  "qi_2": 0.0018014041783925804,
  "rpve_csf": 6.1792756562652995,
  "rpve_gm": 6.122852158375875,
  "rpve_wm": 6.230074790181708,
  "size_x": 224,
  "size_y": 272,
  "size_z": 288,
  "snr_csf": 1.1674605487460963,
  "snr_gm": 3.871323075609795,
  "snr_total": 5.426949089498227,
  "snr_wm": 11.242063644138792,
  "snrd_csf": 22.807029083632575,
  "snrd_gm": 53.874871851100565,
  "snrd_total": 54.68299492886708,
  "snrd_wm": 87.36708385186809,
  "spacing_x": 0.800000011920929,
  "spacing_y": 0.7986109852790833,
  "spacing_z": 0.7986109852790833,
  "summary_bg_k": 5002.615,
  "summary_bg_mad": 0.0,
  "summary_bg_mean": 2.3421,
  "summary_bg_median": 0.0,
  "summary_bg_n": 4785555.0,
  "summary_bg_p05": 0.0,
  "summary_bg_p95": 9.0,
  "summary_bg_stdv": 7.2962,
  "summary_csf_k": -0.8515,
  "summary_csf_mad": 194.8288,
  "summary_csf_mean": 276.3413,
  "summary_csf_median": 254.0,
  "summary_csf_n": 786351.4133163876,
  "summary_csf_p05": 0.0,
  "summary_csf_p95": 646.0,
  "summary_csf_stdv": 217.5661,
  "summary_gm_k": -0.6902,
  "summary_gm_mad": 117.637,
  "summary_gm_mean": 603.4583,
  "summary_gm_median": 600.0,
  "summary_gm_n": 1059320.5521403234,
  "summary_gm_p05": 352.0,
  "summary_gm_p95": 869.0,
  "summary_gm_stdv": 154.9857,
  "summary_wm_k": -0.1773,
  "summary_wm_mad": 62.9527,
  "summary_wm_mean": 946.7917,
  "summary_wm_median": 973.0,
  "summary_wm_n": 943184.037516938,
  "summary_wm_p05": 769.0,
  "summary_wm_p95": 1046.0,
  "summary_wm_stdv": 86.5499,
  "tpm_overlap_csf": 0.21489698954410974,
  "tpm_overlap_gm": 0.506368738716142,
  "tpm_overlap_wm": 0.5296849712419176,
  "wm2max": 0.6981043471104946
}
