{
  "bids_meta": {
    "AcquisitionDuration": 297.187,
    "AcquisitionMatrixPE": 288,
    "AcquisitionNumber": 1,
    "AcquisitionTime": "10:40:38.585000",
    "BaseResolution": 288,
    "BidsGuess": [
      "anat",
      "_acq-spcR9p6_run-14_T2w"
    ],
    "BodyPartExamined": "BRAIN",
    "CoilCombinationMethod": "Adaptive Combine",
    "CoilString": "1",
    "ConversionSoftware": "dcm2niix",
    "ConversionSoftwareVersion": "v1.0.20240202",
    "DeviceSerialNumber": "237203",
    "DwellTime": 3.3e-6,
    "EchoTime": 0.142,
    "EchoTrainLength": 96,
    "FileSize": 0.014850725419819355,
    "FileSizeUnits": "GB",
    "FlipAngle": 120,
    "FrequencyEncodingSteps": 288,
    "HeudiconvVersion": "1.1.6",
    "ImageOrientationPatientDICOM": [
      -0.0286514,
      0.996731,
      -0.0755368,
      -0.0583703,
      -0.0771071,
      -0.995313
    ],
    "ImageType": [
      "ORIGINAL",
      "PRIMARY",
      "M",
      "NONE"
    ],
    "ImageTypeText": [
      "ORIGINAL",
      "PRIMARY",
      "M",
      "DIS3D",
      "DIS2D",
      "NORM"
    ],
    "ImagingFrequency": 297.214386,
    "InPlanePhaseEncodingDirectionDICOM": "ROW",
    "InstitutionAddress": " ,Geneve,,CH,",
    "InstitutionName": "Fondation Campus Biotech",
    "InstitutionalDepartmentName": "MRI Terra X",
    "MRAcquisitionType": "3D",
    "MTState": false,
    "MagneticFieldStrength": 7,
    "Manufacturer": "Siemens",
    "ManufacturersModelName": "MAGNETOM Terra.X",
    "Modality": "MR",
    "NonlinearGradientCorrection": true,
    "NumberOfVolumes": 1,
    "ParallelAcquisitionTechnique": "CAIPIRINHA",
    "ParallelReductionFactorInPlane": 3,
    "ParallelReductionFactorOutOfPlane": 2,
    "PartialFourier": 1,
    "PatientPosition": "HFS",
    "PercentPhaseFOV": 100,
    "PercentSampling": 100,
    "PhaseEncodingDirection": "i",
    "PhaseEncodingSteps": 288,
    "PhaseEncodingStepsOutOfPlane": 208,
    "PhaseResolution": 1,
    "PixelBandwidth": 526,
    "ProcedureStepDescription": "RESEARCH F.Grouiller",
    "ProtocolName": "anat-T2w_acq-p6_run-01",
    "PulseSequenceDetails": "%SiemensSeq%\\space",
    "PulseSequenceName": "*spcR_96ns",
    "ReceiveCoilActiveElements": "AC",
    "ReceiveCoilName": "8Tx32Rx_Head_C",
    "ReconMatrixPE": 288,
    "RefLinesPE": 32,
    "RepetitionTime": 2.65,
    "ScanningSequence": "SE",
    "SequenceVariant": "SK\\SP",
    "SeriesDescription": "anat-T2w_acq-p6_run-01",
    "SeriesNumber": 14,
    "ShimSetting": [
      -417,
      -1521,
      569,
      298,
      -242,
      150,
      -86,
      160
    ],
    "SliceThickness": 0.8,
    "SoftwareVersions": "syngo MR XA60",
    "SpoilingState": true,
    "StationName": "AWP237203",
    "TxRefAmp": 250.362,
    "VariableFlipAngleFlag": true,
    "dataset": "bootcamp",
    "datatype": "anat",
    "extension": ".nii.gz",
    "modality": "T2w",
    "subject": "15",
    "suffix": "T2w"
  },
  "cjv": 6.9807,
  "cnr": 0.2192279945355906,
  "efc": 0.5325,
  "fber": 348.182,
  "fwhm_avg": 2.65318734085461,
  "fwhm_x": 2.474262463130616,
  "fwhm_y": 2.7060076024432216,
  "fwhm_z": 2.7792919569899923,
  "icvs_csf": 0.2504623345752845,
  "icvs_gm": 0.35522317744273113,
  "icvs_wm": 0.3943144879819844,
  "inu_med": 0.9187944829463959,
  "inu_range": 0.374032786488533,
  "provenance": {
    "md5sum": "0794f56c823eecfb3083365f2de58f4d",
    "settings": {
      "testing": false
    },
    "software": "mriqc",
    "version": "24.1.0.dev15+g9586c867.d20240825",
    "warnings": {
      "large_rot_frame": true,
      "small_air_mask": false
    }
  },
  "qi_1": 0.0,
  "qi_2": 0.0007510134367232368,
  "rpve_csf": 5.799188658500173,
  "rpve_gm": 5.612649402437318,
  "rpve_wm": 5.659768270602302,
  "size_x": 208,
  "size_y": 288,
  "size_z": 288,
  "snr_csf": 1.4963218339378797,
  "snr_gm": 3.505546327048118,
  "snr_total": 3.8656199751779012,
  "snr_wm": 6.5949917645477045,
  "snrd_csf": 17.559299846091108,
  "snrd_gm": 11.882151981741407,
  "snrd_total": 13.494447611781263,
  "snrd_wm": 11.041891007511278,
  "spacing_x": 0.800000011920929,
  "spacing_y": 0.7708330154418945,
  "spacing_z": 0.7708330154418945,
  "summary_bg_k": 5.3367,
  "summary_bg_mad": 60.8152,
  "summary_bg_mean": 58.1838,
  "summary_bg_median": 45.0,
  "summary_bg_n": 4150367.0,
  "summary_bg_p05": 0.0,
  "summary_bg_p95": 172.0,
  "summary_bg_stdv": 58.59,
  "summary_csf_k": -1.1233,
  "summary_csf_mad": 1780.7383,
  "summary_csf_mean": 1745.1015,
  "summary_csf_median": 1630.0,
  "summary_csf_n": 732418.9906001724,
  "summary_csf_p05": 157.0,
  "summary_csf_p95": 3614.0,
  "summary_csf_stdv": 1089.3371,
  "summary_gm_k": 8.1444,
  "summary_gm_mad": 427.9623,
  "summary_gm_mean": 1102.7223,
  "summary_gm_median": 1103.0,
  "summary_gm_n": 1038767.7712162663,
  "summary_gm_p05": 592.0,
  "summary_gm_p95": 1579.0,
  "summary_gm_stdv": 314.6441,
  "summary_wm_k": 196.2771,
  "summary_wm_mad": 116.5323,
  "summary_wm_mean": 1031.3864,
  "summary_wm_median": 1025.0,
  "summary_wm_n": 1153081.239766132,
  "summary_wm_p05": 819.0,
  "summary_wm_p95": 1254.0,
  "summary_wm_stdv": 155.4209,
  "tpm_overlap_csf": 0.22620188329224647,
  "tpm_overlap_gm": 0.4905689804151472,
  "tpm_overlap_wm": 0.517966639552542,
  "wm2max": 0.2590923524392914
}
