{
  "aor": 0.0010371333333333331,
  "aqi": 0.017973773466666666,
  "bids_meta": {
    "AcquisitionDuration": 479.435,
    "AcquisitionMatrixPE": 160,
    "AcquisitionNumber": 1,
    "AcquisitionTime": "11:06:2.255000",
    "BandwidthPerPixelPhaseEncode": 23.148,
    "BaseResolution": 160,
    "BidsGuess": [
      "func",
      "_acq-epfid2p3m4_dir-AP_run-20_bold"
    ],
    "BodyPartExamined": "BRAIN",
    "CoilCombinationMethod": "Adaptive Combine",
    "CoilString": "8Tx32Rx_Head_C",
    "ConversionSoftware": "dcm2niix",
    "ConversionSoftwareVersion": "v1.0.20240202",
    "DerivedVendorReportedEchoSpacing": 0.000810005,
    "DeviceSerialNumber": "237203",
    "DwellTime": 2.2e-6,
    "EchoTime": 0.025,
    "EchoTrainLength": 40,
    "EffectiveEchoSpacing": 0.000270002,
    "FileSize": 0.6331845670938492,
    "FileSizeUnits": "GB",
    "FlipAngle": 62,
    "FrequencyEncodingSteps": 160,
    "HeudiconvVersion": "1.1.6",
    "ImageOrientationPatientDICOM": [
      0.999115,
      -0.0409557,
      0.00953723,
      0.04205,
      0.971159,
      -0.234697
    ],
    "ImageType": [
      "ORIGINAL",
      "PRIMARY",
      "FMRI",
      "NONE"
    ],
    "ImageTypeText": [
      "ORIGINAL",
      "PRIMARY",
      "M",
      "ND"
    ],
    "ImagingFrequency": 297.214197,
    "InPlanePhaseEncodingDirectionDICOM": "COL",
    "InstitutionAddress": " ,Geneve,,CH,",
    "InstitutionName": "Fondation Campus Biotech",
    "InstitutionalDepartmentName": "MRI Terra X",
    "MRAcquisitionType": "2D",
    "MTState": false,
    "MagneticFieldStrength": 7,
    "Manufacturer": "Siemens",
    "ManufacturersModelName": "MAGNETOM Terra.X",
    "Modality": "MR",
    "MultibandAccelerationFactor": 4,
    "NonlinearGradientCorrection": false,
    "NumberOfVolumes": 300,
    "ParallelAcquisitionTechnique": "SMS",
    "ParallelReductionFactorInPlane": 3,
    "PartialFourier": 0.75,
    "PartialFourierDirection": "PHASE",
    "PatientPosition": "HFS",
    "PercentPhaseFOV": 100,
    "PercentSampling": 100,
    "PhaseEncodingDirection": "j-",
    "PhaseEncodingSteps": 160,
    "PhaseResolution": 1,
    "PixelBandwidth": 1420,
    "ProcedureStepDescription": "RESEARCH F.Grouiller",
    "ProtocolName": "func-bold_acq-midRes_task-mixed_run-01",
    "PulseSequenceDetails": "%SiemensSeq%\\ep2d_bold",
    "PulseSequenceName": "*epfid2d1_160",
    "ReceiveCoilActiveElements": "AC",
    "ReceiveCoilName": "8Tx32Rx_Head_C",
    "ReconMatrixPE": 160,
    "RefLinesPE": 48,
    "RepetitionTime": 1.5,
    "ScanOptions": "PFP\\FS",
    "ScanningSequence": "EP",
    "SequenceVariant": "SK",
    "SeriesDescription": "func-bold_acq-midRes_task-mixed_run-01",
    "SeriesNumber": 20,
    "ShimSetting": [
      -376,
      -1552,
      679,
      506,
      -12,
      221,
      -1,
      115
    ],
    "SliceThickness": 1.4,
    "SliceTiming": [
      1.125,
      0,
      0.75,
      0.0625,
      0.8125,
      0.125,
      0.875,
      0.1875,
      0.9375,
      0.25,
      1,
      0.3125,
      1.0625,
      0.4375,
      1.1875,
      0.5,
      1.25,
      0.5625,
      1.3125,
      0.625,
      1.375,
      0.6875,
      1.4375,
      0.375,
      1.125,
      0,
      0.75,
      0.0625,
      0.8125,
      0.125,
      0.875,
      0.1875,
      0.9375,
      0.25,
      1,
      0.3125,
      1.0625,
      0.4375,
      1.1875,
      0.5,
      1.25,
      0.5625,
      1.3125,
      0.625,
      1.375,
      0.6875,
      1.4375,
      0.375,
      1.125,
      0,
      0.75,
      0.0625,
      0.8125,
      0.125,
      0.875,
      0.1875,
      0.9375,
      0.25,
      1,
      0.3125,
      1.0625,
      0.4375,
      1.1875,
      0.5,
      1.25,
      0.5625,
      1.3125,
      0.625,
      1.375,
      0.6875,
      1.4375,
      0.375,
      1.125,
      0,
      0.75,
      0.0625,
      0.8125,
      0.125,
      0.875,
      0.1875,
      0.9375,
      0.25,
      1,
      0.3125,
      1.0625,
      0.4375,
      1.1875,
      0.5,
      1.25,
      0.5625,
      1.3125,
      0.625,
      1.375,
      0.6875,
      1.4375,
      0.375
    ],
    "SoftwareVersions": "syngo MR XA60",
    "SpacingBetweenSlices": 1.4,
    "StationName": "AWP237203",
    "TaskName": "mixed",
    "TotalReadoutTime": 0.0429303,
    "TxRefAmp": 252.209,
    "dataset": "bootcamp",
    "datatype": "func",
    "extension": ".nii.gz",
    "modality": "bold",
    "subject": "17",
    "suffix": "bold",
    "task": "mixed"
  },
  "dummy_trs": 0,
  "dvars_nstd": 82.96198115759194,
  "dvars_std": 1.1034547665886285,
  "dvars_vstd": 0.9993216047491646,
  "efc": 0.3991,
  "fber": 6484.833,
  "fd_mean": 0.1992415408142653,
  "fd_num": 139,
  "fd_perc": 46.333333333333336,
  "fwhm_avg": 2.8999333827189044,
  "fwhm_x": 2.766814332832853,
  "fwhm_y": 3.0906357669189273,
  "fwhm_z": 2.842350048404933,
  "gcor": 0.00790804,
  "gsr_x": 0.026043420657515526,
  "gsr_y": 0.024222755804657936,
  "provenance": {
    "md5sum": "5b793aa3d33cd4006216feb5794025b1",
    "settings": {
      "fd_thres": 0.2,
      "testing": false
    },
    "software": "mriqc",
    "version": "24.1.0.dev15+g9586c867.d20240825"
  },
  "size_t": 300,
  "size_x": 160,
  "size_y": 160,
  "size_z": 96,
  "snr": 1.3875407836229408,
  "spacing_tr": 1.5,
  "spacing_x": 1.399999976158142,
  "spacing_y": 1.399999976158142,
  "spacing_z": 1.399999976158142,
  "summary_bg_k": 97.9633,
  "summary_bg_mad": 4.6801,
  "summary_bg_mean": 16.3243,
  "summary_bg_median": 4.0,
  "summary_bg_n": 1976419.0,
  "summary_bg_p05": 0.0,
  "summary_bg_p95": 59.0,
  "summary_bg_stdv": 48.172,
  "summary_fg_k": 5.2989,
  "summary_fg_mad": 178.9995,
  "summary_fg_mean": 371.6636,
  "summary_fg_median": 330.0,
  "summary_fg_n": 481181.0,
  "summary_fg_p05": 51.0,
  "summary_fg_p95": 798.0,
  "summary_fg_stdv": 237.8306,
  "tsnr": 16.372321892995387
}
